{
  "aor": 0.0010147368421052634,
  "aqi": 0.021376130563909777,
  "bids_meta": {
    "AcquisitionMatrixPE": 64,
    "AcquisitionNumber": 1,
    "AcquisitionTime": "16:44:23.537500",
    "BaseResolution": 64,
    "ConversionSoftware": "dcm2niix",
    "ConversionSoftwareVersion": "v1.0.20180518 GCC4.8.5",
    "DeviceSerialNumber": "20413",
    "EchoTime": 0.03,
    "FlipAngle": 87,
    "ImageOrientationPatientDICOM": [
      1,
      0,
      0,
      0,
      0.900319,
      -0.435231
    ],
    "ImageType": [
      "ORIGINAL",
      "PRIMARY",
      "M",
      "ND",
      "MOSAIC"
    ],
    "InPlanePhaseEncodingDirectionDICOM": "COL",
    "InstitutionAddress": "washington_avegreenhall_C2B0D1_new_jersey_08544_US",
    "InstitutionName": "Princeton_University",
    "MRAcquisitionType": "2D",
    "MagneticFieldStrength": 3,
    "Manufacturer": "Siemens",
    "ManufacturersModelName": "Allegra",
    "Modality": "MR",
    "PartialFourier": 1,
    "PatientPosition": "HFS",
    "PercentPhaseFOV": 100,
    "PhaseEncodingDirection": "j-",
    "PhaseEncodingSteps": 64,
    "PhaseResolution": 1,
    "PixelBandwidth": 1420,
    "ProcedureStepDescription": "BotvinickLab_Amitai",
    "ProtocolName": "ep2d_FRG",
    "PulseSequenceDetails": "%SiemensSeq%_ep2d_bold",
    "ReceiveCoilName": "Head_3T",
    "ReconMatrixPE": 64,
    "RepetitionTime": 3,
    "SAR": 0.0459288,
    "ScanOptions": "FS",
    "ScanningSequence": "SE_EP",
    "SequenceName": "_epfid2d1_64",
    "SequenceVariant": "SK",
    "SeriesDescription": "ep2d_FRG",
    "SeriesNumber": 6,
    "ShimSetting": [
      -38,
      3,
      136,
      178,
      1655,
      1092,
      -213,
      -191
    ],
    "SliceThickness": 3,
    "SoftwareVersions": "syngo_MR_2004A_4VA25A",
    "SpacingBetweenSlices": 3,
    "StationName": "MRC20413",
    "TaskName": "forage-engage decision task",
    "TxRefAmp": 151.544,
    "dataset": "ds001921",
    "modality": "bold",
    "run_id": 2,
    "subject_id": "15",
    "task_id": "forage"
  },
  "dummy_trs": 0,
  "dvars_nstd": 31.043729397796632,
  "dvars_std": 1.1310856883239173,
  "dvars_vstd": 0.9736305502824854,
  "efc": 0.5563045116508246,
  "fber": 1821.3768310546875,
  "fd_mean": 0.22497827090133807,
  "fd_num": 238,
  "fd_perc": 44.73684210526316,
  "fwhm_avg": 1.8311700000000002,
  "fwhm_x": 1.7554,
  "fwhm_y": 1.9219366666666666,
  "fwhm_z": 1.8161733333333334,
  "gcor": 0.0238814,
  "gsr_x": -0.014794274233281612,
  "gsr_y": 0.051797181367874146,
  "provenance": {
    "md5sum": "4f4a55d3444d86552c4aee643ee0a0c9",
    "settings": {
      "fd_thres": 0.2,
      "testing": false
    },
    "software": "mriqc",
    "version": "22.0.6",
    "webapi_port": null,
    "webapi_url": "https://mriqc.nimh.nih.gov/api/v1"
  },
  "size_t": 532,
  "size_x": 64,
  "size_y": 64,
  "size_z": 43,
  "snr": 5.755206519154121,
  "spacing_tr": 3.0,
  "spacing_x": 3.0,
  "spacing_y": 3.0,
  "spacing_z": 3.0,
  "summary_bg_k": 33.76321767142482,
  "summary_bg_mad": 8.538898348548926,
  "summary_bg_mean": 35.283443450927734,
  "summary_bg_median": 15.298872947692871,
  "summary_bg_n": 99284.0,
  "summary_bg_p05": 8.675094270706177,
  "summary_bg_p95": 127.02030448913561,
  "summary_bg_stdv": 53.00577926635742,
  "summary_fg_k": 5.420113161634735,
  "summary_fg_mad": 95.43274480362732,
  "summary_fg_mean": 703.1405639648438,
  "summary_fg_median": 688.7800903320312,
  "summary_fg_n": 38439.0,
  "summary_fg_p05": 548.9787475585938,
  "summary_fg_p95": 889.0244628906249,
  "summary_fg_stdv": 119.67791748046875,
  "tsnr": 42.7743768626824
}