{
  "aor": 0.0005407528641571195,
  "aqi": 0.012980111243862521,
  "bids_meta": {
    "AcquisitionMatrixPE": 64,
    "AcquisitionNumber": 1,
    "AcquisitionTime": "16:12:0.702500",
    "BaseResolution": 64,
    "ConversionSoftware": "dcm2niix",
    "ConversionSoftwareVersion": "v1.0.20180518 GCC4.8.5",
    "DeviceSerialNumber": "20413",
    "EchoTime": 0.03,
    "FlipAngle": 87,
    "ImageOrientationPatientDICOM": [
      1,
      0,
      0,
      0,
      0.900319,
      -0.435231
    ],
    "ImageType": [
      "ORIGINAL",
      "PRIMARY",
      "M",
      "ND",
      "MOSAIC"
    ],
    "InPlanePhaseEncodingDirectionDICOM": "COL",
    "InstitutionAddress": "washington_avegreenhall_C2B0D1_new_jersey_08544_US",
    "InstitutionName": "Princeton_University",
    "MRAcquisitionType": "2D",
    "MagneticFieldStrength": 3,
    "Manufacturer": "Siemens",
    "ManufacturersModelName": "Allegra",
    "Modality": "MR",
    "PartialFourier": 1,
    "PatientPosition": "HFS",
    "PercentPhaseFOV": 100,
    "PhaseEncodingDirection": "j-",
    "PhaseEncodingSteps": 64,
    "PhaseResolution": 1,
    "PixelBandwidth": 1420,
    "ProcedureStepDescription": "BotvinickLab_Amitai",
    "ProtocolName": "ep2d_FRG",
    "PulseSequenceDetails": "%SiemensSeq%_ep2d_bold",
    "ReceiveCoilName": "Head_3T",
    "ReconMatrixPE": 64,
    "RepetitionTime": 3,
    "SAR": 0.0459288,
    "ScanOptions": "FS",
    "ScanningSequence": "SE_EP",
    "SequenceName": "_epfid2d1_64",
    "SequenceVariant": "SK",
    "SeriesDescription": "ep2d_FRG",
    "SeriesNumber": 5,
    "ShimSetting": [
      -38,
      3,
      136,
      178,
      1655,
      1092,
      -213,
      -191
    ],
    "SliceThickness": 3,
    "SoftwareVersions": "syngo_MR_2004A_4VA25A",
    "SpacingBetweenSlices": 3,
    "StationName": "MRC20413",
    "TaskName": "forage-engage decision task",
    "TxRefAmp": 151.544,
    "dataset": "ds001921",
    "modality": "bold",
    "run_id": 1,
    "subject_id": "15",
    "task_id": "forage"
  },
  "dummy_trs": 0,
  "dvars_nstd": 25.232930145852457,
  "dvars_std": 1.0998316239508197,
  "dvars_vstd": 0.9858227926721312,
  "efc": 0.5530960696671081,
  "fber": 1949.7684326171875,
  "fd_mean": 0.10067895200065617,
  "fd_num": 65,
  "fd_perc": 10.638297872340425,
  "fwhm_avg": 1.8042911111111108,
  "fwhm_x": 1.7359733333333331,
  "fwhm_y": 1.8831499999999999,
  "fwhm_z": 1.79375,
  "gcor": 0.0254484,
  "gsr_x": -0.012969423085451126,
  "gsr_y": 0.04966357722878456,
  "provenance": {
    "md5sum": "591911e19d080dd8ab54e74092a0f276",
    "settings": {
      "fd_thres": 0.2,
      "testing": false
    },
    "software": "mriqc",
    "version": "22.0.6",
    "webapi_port": null,
    "webapi_url": "https://mriqc.nimh.nih.gov/api/v1"
  },
  "size_t": 611,
  "size_x": 64,
  "size_y": 64,
  "size_z": 43,
  "snr": 5.759710474789079,
  "spacing_tr": 3.0,
  "spacing_x": 3.0,
  "spacing_y": 3.0,
  "spacing_z": 3.0,
  "summary_bg_k": 50.33661058448083,
  "summary_bg_mad": 8.19192317162311,
  "summary_bg_mean": 34.232757568359375,
  "summary_bg_median": 14.941898345947266,
  "summary_bg_n": 99472.0,
  "summary_bg_p05": 8.564648628234863,
  "summary_bg_p95": 122.88903694152825,
  "summary_bg_stdv": 53.397132873535156,
  "summary_fg_k": 5.492444763244626,
  "summary_fg_mad": 97.04131029655673,
  "summary_fg_mean": 707.750244140625,
  "summary_fg_median": 693.2307739257812,
  "summary_fg_n": 38226.0,
  "summary_fg_p05": 552.4382171630859,
  "summary_fg_p95": 894.4840545654297,
  "summary_fg_stdv": 120.35704040527344,
  "tsnr": 52.165873741032556
}