{
  "aor": 0.001250045351473923,
  "aqi": 0.01369611804988662,
  "bids_meta": {
    "AcquisitionMatrixPE": 64,
    "AcquisitionNumber": 1,
    "AcquisitionTime": "12:00:13.774980",
    "BaseResolution": 64,
    "ConversionSoftware": "dcm2niix",
    "ConversionSoftwareVersion": "v1.0.20180518 GCC4.8.5",
    "DeviceSerialNumber": "20413",
    "EchoTime": 0.03,
    "FlipAngle": 87,
    "ImageOrientationPatientDICOM": [
      1,
      2.22045e-16,
      0,
      -2.22045e-16,
      0.896486,
      -0.443071
    ],
    "ImageType": [
      "ORIGINAL",
      "PRIMARY",
      "M",
      "ND",
      "MOSAIC"
    ],
    "InPlanePhaseEncodingDirectionDICOM": "COL",
    "InstitutionAddress": "washington_avegreenhall_BDD552_new_jersey_08544_US",
    "InstitutionName": "Princeton_University",
    "MRAcquisitionType": "2D",
    "MagneticFieldStrength": 3,
    "Manufacturer": "Siemens",
    "ManufacturersModelName": "Allegra",
    "Modality": "MR",
    "PartialFourier": 1,
    "PatientPosition": "HFS",
    "PercentPhaseFOV": 100,
    "PhaseEncodingDirection": "j-",
    "PhaseEncodingSteps": 64,
    "PhaseResolution": 1,
    "PixelBandwidth": 1420,
    "ProcedureStepDescription": "BotvinickLab_Amitai",
    "ProtocolName": "ep2d_FRG",
    "PulseSequenceDetails": "%SiemensSeq%_ep2d_bold",
    "ReceiveCoilName": "Head_3T",
    "ReconMatrixPE": 64,
    "RepetitionTime": 3,
    "SAR": 0.0586866,
    "ScanOptions": "FS",
    "ScanningSequence": "SE_EP",
    "SequenceName": "_epfid2d1_64",
    "SequenceVariant": "SK",
    "SeriesDescription": "ep2d_FRG",
    "SeriesNumber": 6,
    "ShimSetting": [
      -36,
      10,
      114,
      268,
      1585,
      911,
      -351,
      -225
    ],
    "SliceThickness": 3,
    "SoftwareVersions": "syngo_MR_2004A_4VA25A",
    "SpacingBetweenSlices": 3,
    "StationName": "MRC20413",
    "TaskName": "forage-engage decision task",
    "TxRefAmp": 163.865,
    "dataset": "ds001921",
    "modality": "bold",
    "run_id": 2,
    "subject_id": "02",
    "task_id": "forage"
  },
  "dummy_trs": 0,
  "dvars_nstd": 28.865583337272756,
  "dvars_std": 1.0563105117045457,
  "dvars_vstd": 0.983077181204545,
  "efc": 0.5959339402400419,
  "fber": 1324.804443359375,
  "fd_mean": 0.2478543188853542,
  "fd_num": 197,
  "fd_perc": 44.67120181405895,
  "fwhm_avg": 1.990871111111111,
  "fwhm_x": 1.8957,
  "fwhm_y": 2.093836666666667,
  "fwhm_z": 1.9830766666666666,
  "gcor": 0.0183008,
  "gsr_x": -0.01731652207672596,
  "gsr_y": 0.06623892486095428,
  "provenance": {
    "md5sum": "53a2949c5774fe395f050d779b9d541d",
    "settings": {
      "fd_thres": 0.2,
      "testing": false
    },
    "software": "mriqc",
    "version": "22.0.6",
    "webapi_port": null,
    "webapi_url": "https://mriqc.nimh.nih.gov/api/v1"
  },
  "size_t": 441,
  "size_x": 64,
  "size_y": 64,
  "size_z": 43,
  "snr": 4.611437433438814,
  "spacing_tr": 3.0,
  "spacing_x": 3.0,
  "spacing_y": 3.0,
  "spacing_z": 3.0,
  "summary_bg_k": 27.331335008549058,
  "summary_bg_mad": 10.990083605529342,
  "summary_bg_mean": 44.77645492553711,
  "summary_bg_median": 17.793651580810547,
  "summary_bg_n": 90803.0,
  "summary_bg_p05": 9.050113487243653,
  "summary_bg_p95": 167.98163146972655,
  "summary_bg_stdv": 71.70038604736328,
  "summary_fg_k": 1.7350227628713277,
  "summary_fg_mad": 134.19228682892768,
  "summary_fg_mean": 698.2626342773438,
  "summary_fg_median": 684.0986328125,
  "summary_fg_n": 45288.0,
  "summary_fg_p05": 468.6339172363281,
  "summary_fg_p95": 940.2580474853517,
  "summary_fg_stdv": 148.3466033935547,
  "tsnr": 38.86284380685538
}