{
  "aor": 0.00042036363636363636,
  "aqi": 0.007326540927272728,
  "bids_meta": {
    "AcquisitionMatrixPE": 64,
    "AcquisitionNumber": 1,
    "AcquisitionTime": "18:39:27.592510",
    "BaseResolution": 64,
    "ConversionSoftware": "dcm2niix",
    "ConversionSoftwareVersion": "v1.0.20180518 GCC4.8.5",
    "DeviceSerialNumber": "20413",
    "EchoTime": 0.03,
    "FlipAngle": 87,
    "ImageOrientationPatientDICOM": [
      1,
      -1.11022e-16,
      0,
      1.11022e-16,
      0.953191,
      -0.30237
    ],
    "ImageType": [
      "ORIGINAL",
      "PRIMARY",
      "M",
      "ND",
      "MOSAIC"
    ],
    "InPlanePhaseEncodingDirectionDICOM": "COL",
    "InstitutionAddress": "washington_avegreenhall_C2B0D1_new_jersey_08544_US",
    "InstitutionName": "Princeton_University",
    "MRAcquisitionType": "2D",
    "MagneticFieldStrength": 3,
    "Manufacturer": "Siemens",
    "ManufacturersModelName": "Allegra",
    "Modality": "MR",
    "PartialFourier": 1,
    "PatientPosition": "HFS",
    "PercentPhaseFOV": 100,
    "PhaseEncodingDirection": "j-",
    "PhaseEncodingSteps": 64,
    "PhaseResolution": 1,
    "PixelBandwidth": 1420,
    "ProcedureStepDescription": "BotvinickLab_Amitai",
    "ProtocolName": "ep2d_FRG",
    "PulseSequenceDetails": "%SiemensSeq%_ep2d_bold",
    "ReceiveCoilName": "Head_3T",
    "ReconMatrixPE": 64,
    "RepetitionTime": 3,
    "SAR": 0.0406531,
    "ScanOptions": "FS",
    "ScanningSequence": "SE_EP",
    "SequenceName": "_epfid2d1_64",
    "SequenceVariant": "SK",
    "SeriesDescription": "ep2d_FRG",
    "SeriesNumber": 5,
    "ShimSetting": [
      -37,
      1,
      124,
      207,
      1606,
      871,
      -236,
      -94
    ],
    "SliceThickness": 3,
    "SoftwareVersions": "syngo_MR_2004A_4VA25A",
    "SpacingBetweenSlices": 3,
    "StationName": "MRC20413",
    "TaskName": "forage-engage decision task",
    "TxRefAmp": 152.357,
    "dataset": "ds001921",
    "modality": "bold",
    "run_id": 2,
    "subject_id": "09",
    "task_id": "forage"
  },
  "dummy_trs": 0,
  "dvars_nstd": 22.156866615701272,
  "dvars_std": 1.0481888654644802,
  "dvars_vstd": 0.9827291434608368,
  "efc": 0.5555616272244773,
  "fber": 1677.522216796875,
  "fd_mean": 0.06495567626733618,
  "fd_num": 17,
  "fd_perc": 3.090909090909091,
  "fwhm_avg": 1.827016666666667,
  "fwhm_x": 1.7438066666666667,
  "fwhm_y": 1.9160733333333333,
  "fwhm_z": 1.8211700000000002,
  "gcor": 0.0355052,
  "gsr_x": -0.010484108701348305,
  "gsr_y": 0.048909466713666916,
  "provenance": {
    "md5sum": "0367398215ff0058efd4db627b124e41",
    "settings": {
      "fd_thres": 0.2,
      "testing": false
    },
    "software": "mriqc",
    "version": "22.0.6",
    "webapi_port": null,
    "webapi_url": "https://mriqc.nimh.nih.gov/api/v1"
  },
  "size_t": 550,
  "size_x": 64,
  "size_y": 64,
  "size_z": 43,
  "snr": 6.027584507478646,
  "spacing_tr": 3.0,
  "spacing_x": 3.0,
  "spacing_y": 3.0,
  "spacing_z": 3.0,
  "summary_bg_k": 20.763497817314967,
  "summary_bg_mad": 9.740697537047172,
  "summary_bg_mean": 42.596893310546875,
  "summary_bg_median": 16.437273025512695,
  "summary_bg_n": 101710.0,
  "summary_bg_p05": 9.385454177856445,
  "summary_bg_p95": 163.66236419677722,
  "summary_bg_stdv": 68.89791107177734,
  "summary_fg_k": 2.7652538675359333,
  "summary_fg_mad": 100.88165182189604,
  "summary_fg_mean": 716.8076782226562,
  "summary_fg_median": 710.3409423828125,
  "summary_fg_n": 36414.0,
  "summary_fg_p05": 534.85693359375,
  "summary_fg_p95": 903.3861846923827,
  "summary_fg_stdv": 117.84674072265625,
  "tsnr": 60.19047528936062
}