{
  "aor": 0.0005138767395626244,
  "aqi": 0.0065662124850894635,
  "bids_meta": {
    "AcquisitionMatrixPE": 64,
    "AcquisitionNumber": 1,
    "AcquisitionTime": "18:13:15.480010",
    "BaseResolution": 64,
    "ConversionSoftware": "dcm2niix",
    "ConversionSoftwareVersion": "v1.0.20180518 GCC4.8.5",
    "DeviceSerialNumber": "20413",
    "EchoTime": 0.03,
    "FlipAngle": 87,
    "ImageOrientationPatientDICOM": [
      1,
      -1.11022e-16,
      0,
      1.11022e-16,
      0.953191,
      -0.30237
    ],
    "ImageType": [
      "ORIGINAL",
      "PRIMARY",
      "M",
      "ND",
      "MOSAIC"
    ],
    "InPlanePhaseEncodingDirectionDICOM": "COL",
    "InstitutionAddress": "washington_avegreenhall_C2B0D1_new_jersey_08544_US",
    "InstitutionName": "Princeton_University",
    "MRAcquisitionType": "2D",
    "MagneticFieldStrength": 3,
    "Manufacturer": "Siemens",
    "ManufacturersModelName": "Allegra",
    "Modality": "MR",
    "PartialFourier": 1,
    "PatientPosition": "HFS",
    "PercentPhaseFOV": 100,
    "PhaseEncodingDirection": "j-",
    "PhaseEncodingSteps": 64,
    "PhaseResolution": 1,
    "PixelBandwidth": 1420,
    "ProcedureStepDescription": "BotvinickLab_Amitai",
    "ProtocolName": "ep2d_FRG",
    "PulseSequenceDetails": "%SiemensSeq%_ep2d_bold",
    "ReceiveCoilName": "Head_3T",
    "ReconMatrixPE": 64,
    "RepetitionTime": 3,
    "SAR": 0.0406531,
    "ScanOptions": "FS",
    "ScanningSequence": "SE_EP",
    "SequenceName": "_epfid2d1_64",
    "SequenceVariant": "SK",
    "SeriesDescription": "ep2d_FRG",
    "SeriesNumber": 4,
    "ShimSetting": [
      -37,
      1,
      124,
      207,
      1606,
      871,
      -236,
      -94
    ],
    "SliceThickness": 3,
    "SoftwareVersions": "syngo_MR_2004A_4VA25A",
    "SpacingBetweenSlices": 3,
    "StationName": "MRC20413",
    "TaskName": "forage-engage decision task",
    "TxRefAmp": 152.357,
    "dataset": "ds001921",
    "modality": "bold",
    "run_id": 1,
    "subject_id": "09",
    "task_id": "forage"
  },
  "dummy_trs": 0,
  "dvars_nstd": 21.990494636792803,
  "dvars_std": 1.071626347908367,
  "dvars_vstd": 0.9963939772509952,
  "efc": 0.5539879162672442,
  "fber": 1746.0330810546875,
  "fd_mean": 0.06263551711313337,
  "fd_num": 17,
  "fd_perc": 3.3797216699801194,
  "fwhm_avg": 1.8222944444444444,
  "fwhm_x": 1.7350633333333334,
  "fwhm_y": 1.9083333333333332,
  "fwhm_z": 1.8234866666666667,
  "gcor": 0.0354857,
  "gsr_x": -0.010813282802700996,
  "gsr_y": 0.04943295940756798,
  "provenance": {
    "md5sum": "2536061b65dcf62f34777b6f96a92f45",
    "settings": {
      "fd_thres": 0.2,
      "testing": false
    },
    "software": "mriqc",
    "version": "22.0.6",
    "webapi_port": null,
    "webapi_url": "https://mriqc.nimh.nih.gov/api/v1"
  },
  "size_t": 503,
  "size_x": 64,
  "size_y": 64,
  "size_z": 43,
  "snr": 6.018685514269884,
  "spacing_tr": 3.0,
  "spacing_x": 3.0,
  "spacing_y": 3.0,
  "spacing_z": 3.0,
  "summary_bg_k": 21.810011162685434,
  "summary_bg_mad": 9.697336862918723,
  "summary_bg_mean": 42.42488479614258,
  "summary_bg_median": 16.349899291992188,
  "summary_bg_n": 101795.0,
  "summary_bg_p05": 9.270377159118652,
  "summary_bg_p95": 162.74075317382807,
  "summary_bg_stdv": 69.68560791015625,
  "summary_fg_k": 2.558688401131528,
  "summary_fg_mad": 103.4137670122173,
  "summary_fg_mean": 725.0135498046875,
  "summary_fg_median": 717.6759033203125,
  "summary_fg_n": 36335.0,
  "summary_fg_p05": 540.2975830078125,
  "summary_fg_p95": 913.876708984375,
  "summary_fg_stdv": 119.23966217041016,
  "tsnr": 63.09674562839791
}