{
  "aor": 0.0017856485355648535,
  "aqi": 0.007695315209205021,
  "bids_meta": {
    "AcquisitionMatrixPE": 64,
    "AcquisitionNumber": 1,
    "AcquisitionTime": "17:01:47.072500",
    "BaseResolution": 64,
    "ConversionSoftware": "dcm2niix",
    "ConversionSoftwareVersion": "v1.0.20180518 GCC4.8.5",
    "DeviceSerialNumber": "20413",
    "EchoTime": 0.03,
    "FlipAngle": 87,
    "ImageOrientationPatientDICOM": [
      1,
      0,
      2.77556e-17,
      0,
      0.928486,
      -0.371368
    ],
    "ImageType": [
      "ORIGINAL",
      "PRIMARY",
      "M",
      "ND",
      "MOSAIC"
    ],
    "InPlanePhaseEncodingDirectionDICOM": "COL",
    "InstitutionAddress": "washington_avegreenhall_C2B0D1_new_jersey_08544_US",
    "InstitutionName": "Princeton_University",
    "MRAcquisitionType": "2D",
    "MagneticFieldStrength": 3,
    "Manufacturer": "Siemens",
    "ManufacturersModelName": "Allegra",
    "Modality": "MR",
    "PartialFourier": 1,
    "PatientPosition": "HFS",
    "PercentPhaseFOV": 100,
    "PhaseEncodingDirection": "j-",
    "PhaseEncodingSteps": 64,
    "PhaseResolution": 1,
    "PixelBandwidth": 1420,
    "ProcedureStepDescription": "BotvinickLab_Amitai",
    "ProtocolName": "ep2d_FRG",
    "PulseSequenceDetails": "%SiemensSeq%_ep2d_bold",
    "ReceiveCoilName": "Head_3T",
    "ReconMatrixPE": 64,
    "RepetitionTime": 3,
    "SAR": 0.0439695,
    "ScanOptions": "FS",
    "ScanningSequence": "SE_EP",
    "SequenceName": "_epfid2d1_64",
    "SequenceVariant": "SK",
    "SeriesDescription": "ep2d_FRG",
    "SeriesNumber": 5,
    "ShimSetting": [
      -39,
      -5,
      117,
      271,
      1413,
      851,
      -375,
      -165
    ],
    "SliceThickness": 3,
    "SoftwareVersions": "syngo_MR_2004A_4VA25A",
    "SpacingBetweenSlices": 3,
    "StationName": "MRC20413",
    "TaskName": "forage-engage decision task",
    "TxRefAmp": 149.364,
    "dataset": "ds001921",
    "modality": "bold",
    "run_id": 2,
    "subject_id": "13",
    "task_id": "forage"
  },
  "dummy_trs": 0,
  "dvars_nstd": 25.987835829853232,
  "dvars_std": 1.1223208127672955,
  "dvars_vstd": 1.019981364696017,
  "efc": 0.5564790473500844,
  "fber": 1883.4613037109375,
  "fd_mean": 0.14197134200617756,
  "fd_num": 101,
  "fd_perc": 21.12970711297071,
  "fwhm_avg": 1.9686077777777777,
  "fwhm_x": 1.9069333333333331,
  "fwhm_y": 2.069366666666667,
  "fwhm_z": 1.9295233333333333,
  "gcor": 0.0188679,
  "gsr_x": -0.01846832036972046,
  "gsr_y": 0.05481575056910515,
  "provenance": {
    "md5sum": "abf72f068b523bf1e11b1be9c17d2af7",
    "settings": {
      "fd_thres": 0.2,
      "testing": false
    },
    "software": "mriqc",
    "version": "22.0.6",
    "webapi_port": null,
    "webapi_url": "https://mriqc.nimh.nih.gov/api/v1"
  },
  "size_t": 478,
  "size_x": 64,
  "size_y": 64,
  "size_z": 43,
  "snr": 5.232610060040725,
  "spacing_tr": 3.0,
  "spacing_x": 3.0,
  "spacing_y": 3.0,
  "spacing_z": 3.0,
  "summary_bg_k": 32.90500887316781,
  "summary_bg_mad": 8.430360219980884,
  "summary_bg_mean": 33.642921447753906,
  "summary_bg_median": 14.930961608886719,
  "summary_bg_n": 97809.0,
  "summary_bg_p05": 8.458995437622072,
  "summary_bg_p95": 115.20878601074195,
  "summary_bg_stdv": 51.68623352050781,
  "summary_fg_k": 1.279977007071361,
  "summary_fg_mad": 120.94999039626276,
  "summary_fg_mean": 694.5409545898438,
  "summary_fg_median": 685.7113037109375,
  "summary_fg_n": 39325.0,
  "summary_fg_p05": 487.57948608398436,
  "summary_fg_p95": 907.4142089843747,
  "summary_fg_stdv": 131.04408264160156,
  "tsnr": 53.82646580412984
}