{
  "aor": 0.0004768677042801556,
  "aqi": 0.007832800700389105,
  "bids_meta": {
    "AcquisitionMatrixPE": 64,
    "AcquisitionNumber": 1,
    "AcquisitionTime": "16:34:44.860010",
    "BaseResolution": 64,
    "ConversionSoftware": "dcm2niix",
    "ConversionSoftwareVersion": "v1.0.20180518 GCC4.8.5",
    "DeviceSerialNumber": "20413",
    "EchoTime": 0.03,
    "FlipAngle": 87,
    "ImageOrientationPatientDICOM": [
      1,
      0,
      2.77556e-17,
      0,
      0.928486,
      -0.371368
    ],
    "ImageType": [
      "ORIGINAL",
      "PRIMARY",
      "M",
      "ND",
      "MOSAIC"
    ],
    "InPlanePhaseEncodingDirectionDICOM": "COL",
    "InstitutionAddress": "washington_avegreenhall_C2B0D1_new_jersey_08544_US",
    "InstitutionName": "Princeton_University",
    "MRAcquisitionType": "2D",
    "MagneticFieldStrength": 3,
    "Manufacturer": "Siemens",
    "ManufacturersModelName": "Allegra",
    "Modality": "MR",
    "PartialFourier": 1,
    "PatientPosition": "HFS",
    "PercentPhaseFOV": 100,
    "PhaseEncodingDirection": "j-",
    "PhaseEncodingSteps": 64,
    "PhaseResolution": 1,
    "PixelBandwidth": 1420,
    "ProcedureStepDescription": "BotvinickLab_Amitai",
    "ProtocolName": "ep2d_FRG",
    "PulseSequenceDetails": "%SiemensSeq%_ep2d_bold",
    "ReceiveCoilName": "Head_3T",
    "ReconMatrixPE": 64,
    "RepetitionTime": 3,
    "SAR": 0.0439695,
    "ScanOptions": "FS",
    "ScanningSequence": "SE_EP",
    "SequenceName": "_epfid2d1_64",
    "SequenceVariant": "SK",
    "SeriesDescription": "ep2d_FRG",
    "SeriesNumber": 4,
    "ShimSetting": [
      -39,
      -5,
      117,
      271,
      1413,
      851,
      -375,
      -165
    ],
    "SliceThickness": 3,
    "SoftwareVersions": "syngo_MR_2004A_4VA25A",
    "SpacingBetweenSlices": 3,
    "StationName": "MRC20413",
    "TaskName": "forage-engage decision task",
    "TxRefAmp": 149.364,
    "dataset": "ds001921",
    "modality": "bold",
    "run_id": 1,
    "subject_id": "13",
    "task_id": "forage"
  },
  "dummy_trs": 0,
  "dvars_nstd": 25.454215430916197,
  "dvars_std": 1.0830466417153988,
  "dvars_vstd": 0.9875674581871348,
  "efc": 0.5560715565798203,
  "fber": 1898.532958984375,
  "fd_mean": 0.1360886417768233,
  "fd_num": 85,
  "fd_perc": 16.53696498054475,
  "fwhm_avg": 1.995198888888889,
  "fwhm_x": 1.92669,
  "fwhm_y": 2.0907033333333334,
  "fwhm_z": 1.9682033333333333,
  "gcor": 0.0224244,
  "gsr_x": -0.016916904598474503,
  "gsr_y": 0.055229589343070984,
  "provenance": {
    "md5sum": "3d9279a1604d5e34911fd47e40c3785a",
    "settings": {
      "fd_thres": 0.2,
      "testing": false
    },
    "software": "mriqc",
    "version": "22.0.6",
    "webapi_port": null,
    "webapi_url": "https://mriqc.nimh.nih.gov/api/v1"
  },
  "size_t": 514,
  "size_x": 64,
  "size_y": 64,
  "size_z": 43,
  "snr": 5.167694147883222,
  "spacing_tr": 3.0,
  "spacing_x": 3.0,
  "spacing_y": 3.0,
  "spacing_z": 3.0,
  "summary_bg_k": 36.903699877305705,
  "summary_bg_mad": 8.445641863636288,
  "summary_bg_mean": 33.07722473144531,
  "summary_bg_median": 14.908560752868652,
  "summary_bg_n": 97622.0,
  "summary_bg_p05": 8.453307151794434,
  "summary_bg_p95": 112.46945571899394,
  "summary_bg_stdv": 51.56093978881836,
  "summary_fg_k": 1.2077092445230155,
  "summary_fg_mad": 122.09840987594139,
  "summary_fg_mean": 693.6133422851562,
  "summary_fg_median": 684.558349609375,
  "summary_fg_n": 39593.0,
  "summary_fg_p05": 481.51478881835936,
  "summary_fg_p95": 908.7482543945313,
  "summary_fg_stdv": 132.46714782714844,
  "tsnr": 53.32664439151995
}