{
  "aor": 0.0007466323529411765,
  "aqi": 0.006874371249999999,
  "bids_meta": {
    "AcquisitionMatrixPE": 64,
    "AcquisitionNumber": 1,
    "AcquisitionTime": "16:13:35.407510",
    "BaseResolution": 64,
    "ConversionSoftware": "dcm2niix",
    "ConversionSoftwareVersion": "v1.0.20180518 GCC4.8.5",
    "DeviceSerialNumber": "20413",
    "EchoTime": 0.03,
    "FlipAngle": 87,
    "ImageOrientationPatientDICOM": [
      1,
      0,
      0,
      0,
      0.888617,
      -0.45865
    ],
    "ImageType": [
      "ORIGINAL",
      "PRIMARY",
      "M",
      "ND",
      "MOSAIC"
    ],
    "InPlanePhaseEncodingDirectionDICOM": "COL",
    "InstitutionAddress": "washington_avegreenhall_C2B0D1_new_jersey_08544_US",
    "InstitutionName": "Princeton_University",
    "MRAcquisitionType": "2D",
    "MagneticFieldStrength": 3,
    "Manufacturer": "Siemens",
    "ManufacturersModelName": "Allegra",
    "Modality": "MR",
    "PartialFourier": 1,
    "PatientPosition": "HFS",
    "PercentPhaseFOV": 100,
    "PhaseEncodingDirection": "j-",
    "PhaseEncodingSteps": 64,
    "PhaseResolution": 1,
    "PixelBandwidth": 1420,
    "ProcedureStepDescription": "BotvinickLab_Amitai",
    "ProtocolName": "ep2d_FRG",
    "PulseSequenceDetails": "%SiemensSeq%_ep2d_bold",
    "ReceiveCoilName": "Head_3T",
    "ReconMatrixPE": 64,
    "RepetitionTime": 3,
    "SAR": 0.0519178,
    "ScanOptions": "FS",
    "ScanningSequence": "SE_EP",
    "SequenceName": "_epfid2d1_64",
    "SequenceVariant": "SK",
    "SeriesDescription": "ep2d_FRG",
    "SeriesNumber": 4,
    "ShimSetting": [
      -22,
      -12,
      122,
      37,
      1427,
      1012,
      -253,
      -135
    ],
    "SliceThickness": 3,
    "SoftwareVersions": "syngo_MR_2004A_4VA25A",
    "SpacingBetweenSlices": 3,
    "StationName": "MRC20413",
    "TaskName": "forage-engage decision task",
    "TxRefAmp": 151.392,
    "dataset": "ds001921",
    "modality": "bold",
    "run_id": 1,
    "subject_id": "06",
    "task_id": "forage"
  },
  "dummy_trs": 0,
  "dvars_nstd": 24.941153864845376,
  "dvars_std": 1.1409156217231224,
  "dvars_vstd": 1.0037859668924891,
  "efc": 0.5688609681738974,
  "fber": 1969.20556640625,
  "fd_mean": 0.10303824767379398,
  "fd_num": 77,
  "fd_perc": 11.323529411764707,
  "fwhm_avg": 1.9953411111111112,
  "fwhm_x": 1.9215033333333331,
  "fwhm_y": 2.065306666666667,
  "fwhm_z": 1.9992133333333333,
  "gcor": 0.0156978,
  "gsr_x": -0.012032709084451199,
  "gsr_y": 0.04610675573348999,
  "provenance": {
    "md5sum": "9adaf282cfd200a38541a39d94b1d106",
    "settings": {
      "fd_thres": 0.2,
      "testing": false
    },
    "software": "mriqc",
    "version": "22.0.6",
    "webapi_port": null,
    "webapi_url": "https://mriqc.nimh.nih.gov/api/v1"
  },
  "size_t": 680,
  "size_x": 64,
  "size_y": 64,
  "size_z": 43,
  "snr": 5.554601042784493,
  "spacing_tr": 3.0,
  "spacing_x": 3.0,
  "spacing_y": 3.0,
  "spacing_z": 3.0,
  "summary_bg_k": 39.03785681047313,
  "summary_bg_mad": 8.215361010821278,
  "summary_bg_mean": 36.38043212890625,
  "summary_bg_median": 14.904412269592285,
  "summary_bg_n": 95424.0,
  "summary_bg_p05": 8.727941513061523,
  "summary_bg_p95": 134.88301239013623,
  "summary_bg_stdv": 61.88801574707031,
  "summary_fg_k": 1.7996120003251308,
  "summary_fg_mad": 114.14182019902842,
  "summary_fg_mean": 709.2240600585938,
  "summary_fg_median": 705.1088256835938,
  "summary_fg_n": 41182.0,
  "summary_fg_p05": 503.43332824707034,
  "summary_fg_p95": 906.5879577636717,
  "summary_fg_stdv": 126.93985748291016,
  "tsnr": 60.149242951883934
}