{
  "aor": 0.0004736923076923077,
  "aqi": 0.016607624700854702,
  "bids_meta": {
    "AcquisitionMatrixPE": 64,
    "AcquisitionNumber": 1,
    "AcquisitionTime": "16:38:0.272510",
    "BaseResolution": 64,
    "ConversionSoftware": "dcm2niix",
    "ConversionSoftwareVersion": "v1.0.20180518 GCC4.8.5",
    "DeviceSerialNumber": "20413",
    "EchoTime": 0.03,
    "FlipAngle": 87,
    "ImageOrientationPatientDICOM": [
      1,
      2.22045e-16,
      0,
      -2.22045e-16,
      0.905569,
      -0.424199
    ],
    "ImageType": [
      "ORIGINAL",
      "PRIMARY",
      "M",
      "ND",
      "MOSAIC"
    ],
    "InPlanePhaseEncodingDirectionDICOM": "COL",
    "InstitutionAddress": "washington_avegreenhall_BDD552_new_jersey_08544_US",
    "InstitutionName": "Princeton_University",
    "MRAcquisitionType": "2D",
    "MagneticFieldStrength": 3,
    "Manufacturer": "Siemens",
    "ManufacturersModelName": "Allegra",
    "Modality": "MR",
    "PartialFourier": 1,
    "PatientPosition": "HFS",
    "PercentPhaseFOV": 100,
    "PhaseEncodingDirection": "j-",
    "PhaseEncodingSteps": 64,
    "PhaseResolution": 1,
    "PixelBandwidth": 1420,
    "ProcedureStepDescription": "BotvinickLab_Amitai",
    "ProtocolName": "ep2d_FRG",
    "PulseSequenceDetails": "%SiemensSeq%_ep2d_bold",
    "ReceiveCoilName": "Head_3T",
    "ReconMatrixPE": 64,
    "RepetitionTime": 3,
    "SAR": 0.048521,
    "ScanOptions": "FS",
    "ScanningSequence": "SE_EP",
    "SequenceName": "_epfid2d1_64",
    "SequenceVariant": "SK",
    "SeriesDescription": "ep2d_FRG",
    "SeriesNumber": 4,
    "ShimSetting": [
      -36,
      12,
      132,
      273,
      1817,
      1102,
      -331,
      -111
    ],
    "SliceThickness": 3,
    "SoftwareVersions": "syngo_MR_2004A_4VA25A",
    "SpacingBetweenSlices": 3,
    "StationName": "MRC20413",
    "TaskName": "forage-engage decision task",
    "TxRefAmp": 157.146,
    "dataset": "ds001921",
    "modality": "bold",
    "run_id": 1,
    "subject_id": "04",
    "task_id": "forage"
  },
  "dummy_trs": 0,
  "dvars_nstd": 46.113198483030814,
  "dvars_std": 1.1586530851198633,
  "dvars_vstd": 0.9800119696232881,
  "efc": 0.5766552104368964,
  "fber": 1340.6754150390625,
  "fd_mean": 0.456081080902072,
  "fd_num": 452,
  "fd_perc": 77.26495726495726,
  "fwhm_avg": 1.8489455555555556,
  "fwhm_x": 1.79294,
  "fwhm_y": 1.9418966666666666,
  "fwhm_z": 1.812,
  "gcor": 0.0123334,
  "gsr_x": -0.015399614349007607,
  "gsr_y": 0.04849764332175255,
  "provenance": {
    "md5sum": "5e25b2b5179fec3cc793b1844f2f9112",
    "settings": {
      "fd_thres": 0.2,
      "testing": false
    },
    "software": "mriqc",
    "version": "22.0.6",
    "webapi_port": null,
    "webapi_url": "https://mriqc.nimh.nih.gov/api/v1"
  },
  "size_t": 585,
  "size_x": 64,
  "size_y": 64,
  "size_z": 43,
  "snr": 6.063772597230363,
  "spacing_tr": 3.0,
  "spacing_x": 3.0,
  "spacing_y": 3.0,
  "spacing_z": 3.0,
  "summary_bg_k": 56.570997955279424,
  "summary_bg_mad": 10.953513987514597,
  "summary_bg_mean": 41.33860778808594,
  "summary_bg_median": 17.4735050201416,
  "summary_bg_n": 96316.0,
  "summary_bg_p05": 9.519658088684082,
  "summary_bg_p95": 145.52992248535156,
  "summary_bg_stdv": 68.40240478515625,
  "summary_fg_k": 2.8143786075557093,
  "summary_fg_mad": 99.33941612792687,
  "summary_fg_mean": 690.4823608398438,
  "summary_fg_median": 683.052978515625,
  "summary_fg_n": 40425.0,
  "summary_fg_p05": 523.7049682617187,
  "summary_fg_p95": 870.4024169921873,
  "summary_fg_stdv": 112.64349365234375,
  "tsnr": 43.41010899457615
}