{
  "aor": 0.0004167252747252747,
  "aqi": 0.011733455516483518,
  "bids_meta": {
    "AcquisitionMatrixPE": 64,
    "AcquisitionNumber": 1,
    "AcquisitionTime": "17:10:23.480000",
    "BaseResolution": 64,
    "ConversionSoftware": "dcm2niix",
    "ConversionSoftwareVersion": "v1.0.20180518 GCC4.8.5",
    "DeviceSerialNumber": "20413",
    "EchoTime": 0.03,
    "FlipAngle": 87,
    "ImageOrientationPatientDICOM": [
      1,
      2.22045e-16,
      0,
      -2.22045e-16,
      0.905569,
      -0.424199
    ],
    "ImageType": [
      "ORIGINAL",
      "PRIMARY",
      "M",
      "ND",
      "MOSAIC"
    ],
    "InPlanePhaseEncodingDirectionDICOM": "COL",
    "InstitutionAddress": "washington_avegreenhall_BDD552_new_jersey_08544_US",
    "InstitutionName": "Princeton_University",
    "MRAcquisitionType": "2D",
    "MagneticFieldStrength": 3,
    "Manufacturer": "Siemens",
    "ManufacturersModelName": "Allegra",
    "Modality": "MR",
    "PartialFourier": 1,
    "PatientPosition": "HFS",
    "PercentPhaseFOV": 100,
    "PhaseEncodingDirection": "j-",
    "PhaseEncodingSteps": 64,
    "PhaseResolution": 1,
    "PixelBandwidth": 1420,
    "ProcedureStepDescription": "BotvinickLab_Amitai",
    "ProtocolName": "ep2d_FRG",
    "PulseSequenceDetails": "%SiemensSeq%_ep2d_bold",
    "ReceiveCoilName": "Head_3T",
    "ReconMatrixPE": 64,
    "RepetitionTime": 3,
    "SAR": 0.048521,
    "ScanOptions": "FS",
    "ScanningSequence": "SE_EP",
    "SequenceName": "_epfid2d1_64",
    "SequenceVariant": "SK",
    "SeriesDescription": "ep2d_FRG",
    "SeriesNumber": 5,
    "ShimSetting": [
      -36,
      12,
      132,
      273,
      1817,
      1102,
      -331,
      -111
    ],
    "SliceThickness": 3,
    "SoftwareVersions": "syngo_MR_2004A_4VA25A",
    "SpacingBetweenSlices": 3,
    "StationName": "MRC20413",
    "TaskName": "forage-engage decision task",
    "TxRefAmp": 157.146,
    "dataset": "ds001921",
    "modality": "bold",
    "run_id": 2,
    "subject_id": "04",
    "task_id": "forage"
  },
  "dummy_trs": 0,
  "dvars_nstd": 38.44620368138766,
  "dvars_std": 1.1440957883039649,
  "dvars_vstd": 0.9876093778414097,
  "efc": 0.5774555991747546,
  "fber": 1318.82861328125,
  "fd_mean": 0.3815802312803737,
  "fd_num": 326,
  "fd_perc": 71.64835164835165,
  "fwhm_avg": 1.8421033333333334,
  "fwhm_x": 1.7788633333333335,
  "fwhm_y": 1.9485833333333333,
  "fwhm_z": 1.7988633333333333,
  "gcor": 0.00865518,
  "gsr_x": -0.016159221529960632,
  "gsr_y": 0.04872910678386688,
  "provenance": {
    "md5sum": "c2c88bd0b9f06e720f5be9c3734f4476",
    "settings": {
      "fd_thres": 0.2,
      "testing": false
    },
    "software": "mriqc",
    "version": "22.0.6",
    "webapi_port": null,
    "webapi_url": "https://mriqc.nimh.nih.gov/api/v1"
  },
  "size_t": 455,
  "size_x": 64,
  "size_y": 64,
  "size_z": 43,
  "snr": 6.015245036832845,
  "spacing_tr": 3.0,
  "spacing_x": 3.0,
  "spacing_y": 3.0,
  "spacing_z": 3.0,
  "summary_bg_k": 54.29946164428382,
  "summary_bg_mad": 11.736995147982055,
  "summary_bg_mean": 42.1214714050293,
  "summary_bg_median": 17.74945068359375,
  "summary_bg_n": 96349.0,
  "summary_bg_p05": 8.580220222473145,
  "summary_bg_p95": 149.82682495117174,
  "summary_bg_stdv": 69.56857299804688,
  "summary_fg_k": 2.7833790663219675,
  "summary_fg_mad": 100.38359013911682,
  "summary_fg_mean": 691.1363525390625,
  "summary_fg_median": 683.4505615234375,
  "summary_fg_n": 40420.0,
  "summary_fg_p05": 524.0295013427734,
  "summary_fg_p95": 874.3304809570312,
  "summary_fg_stdv": 113.61833190917969,
  "tsnr": 49.88148071244359
}