{
  "aor": 0.0011858812949640289,
  "aqi": 0.012028398021582735,
  "bids_meta": {
    "AcquisitionMatrixPE": 64,
    "AcquisitionNumber": 1,
    "AcquisitionTime": "17:13:14.527510",
    "BaseResolution": 64,
    "ConversionSoftware": "dcm2niix",
    "ConversionSoftwareVersion": "v1.0.20180518 GCC4.8.5",
    "DeviceSerialNumber": "20413",
    "EchoTime": 0.03,
    "FlipAngle": 87,
    "ImageOrientationPatientDICOM": [
      1,
      0,
      5.55112e-17,
      0,
      0.85896,
      -0.512043
    ],
    "ImageType": [
      "ORIGINAL",
      "PRIMARY",
      "M",
      "ND",
      "MOSAIC"
    ],
    "InPlanePhaseEncodingDirectionDICOM": "COL",
    "InstitutionAddress": "washington_avegreenhall_C2B0D1_new_jersey_08544_US",
    "InstitutionName": "Princeton_University",
    "MRAcquisitionType": "2D",
    "MagneticFieldStrength": 3,
    "Manufacturer": "Siemens",
    "ManufacturersModelName": "Allegra",
    "Modality": "MR",
    "PartialFourier": 1,
    "PatientPosition": "HFS",
    "PercentPhaseFOV": 100,
    "PhaseEncodingDirection": "j-",
    "PhaseEncodingSteps": 64,
    "PhaseResolution": 1,
    "PixelBandwidth": 1420,
    "ProcedureStepDescription": "BotvinickLab_Amitai",
    "ProtocolName": "ep2d_FRG",
    "PulseSequenceDetails": "%SiemensSeq%_ep2d_bold",
    "ReceiveCoilName": "Head_3T",
    "ReconMatrixPE": 64,
    "RepetitionTime": 3,
    "SAR": 0.0482763,
    "ScanOptions": "FS",
    "ScanningSequence": "SE_EP",
    "SequenceName": "_epfid2d1_64",
    "SequenceVariant": "SK",
    "SeriesDescription": "ep2d_FRG",
    "SeriesNumber": 6,
    "ShimSetting": [
      -45,
      41,
      154,
      88,
      1491,
      450,
      -483,
      -167
    ],
    "SliceThickness": 3,
    "SoftwareVersions": "syngo_MR_2004A_4VA25A",
    "SpacingBetweenSlices": 3,
    "StationName": "MRC20413",
    "TaskName": "forage-engage decision task",
    "TxRefAmp": 184.109,
    "dataset": "ds001921",
    "modality": "bold",
    "run_id": 2,
    "subject_id": "08",
    "task_id": "forage"
  },
  "dummy_trs": 1,
  "dvars_nstd": 29.44702592765767,
  "dvars_std": 1.0587474723603596,
  "dvars_vstd": 0.9760208901081078,
  "efc": 0.5783838073789032,
  "fber": 827.6820678710938,
  "fd_mean": 0.09644189210378065,
  "fd_num": 38,
  "fd_perc": 6.83453237410072,
  "fwhm_avg": 1.9591733333333332,
  "fwhm_x": 1.90602,
  "fwhm_y": 2.0010866666666667,
  "fwhm_z": 1.9704133333333333,
  "gcor": 0.199692,
  "gsr_x": -0.0008034285274334252,
  "gsr_y": 0.04506547749042511,
  "provenance": {
    "md5sum": "7bfa6b11b71599ecc9f0a6c6e2dc08d5",
    "settings": {
      "fd_thres": 0.2,
      "testing": false
    },
    "software": "mriqc",
    "version": "22.0.6",
    "webapi_port": null,
    "webapi_url": "https://mriqc.nimh.nih.gov/api/v1"
  },
  "size_t": 556,
  "size_x": 64,
  "size_y": 64,
  "size_z": 43,
  "snr": 5.049440178699254,
  "spacing_tr": 3.0,
  "spacing_x": 3.0,
  "spacing_y": 3.0,
  "spacing_z": 3.0,
  "summary_bg_k": 26.680500939927423,
  "summary_bg_mad": 16.801935316292536,
  "summary_bg_mean": 52.13404083251953,
  "summary_bg_median": 23.143884658813477,
  "summary_bg_n": 99079.0,
  "summary_bg_p05": 10.75,
  "summary_bg_p95": 189.46961364746076,
  "summary_bg_stdv": 75.34696960449219,
  "summary_fg_k": 1.8267310795092424,
  "summary_fg_mad": 120.16018618708814,
  "summary_fg_mean": 711.2696533203125,
  "summary_fg_median": 697.56298828125,
  "summary_fg_n": 38519.0,
  "summary_fg_p05": 507.751806640625,
  "summary_fg_p95": 949.7297119140625,
  "summary_fg_stdv": 138.14480590820312,
  "tsnr": 36.09199801442446
}