{
  "aor": 0.0002043768115942029,
  "aqi": 0.010534583405797101,
  "bids_meta": {
    "AcquisitionMatrixPE": 64,
    "AcquisitionNumber": 1,
    "AcquisitionTime": "16:37:4.707490",
    "BaseResolution": 64,
    "ConversionSoftware": "dcm2niix",
    "ConversionSoftwareVersion": "v1.0.20180518 GCC4.8.5",
    "DeviceSerialNumber": "20413",
    "EchoTime": 0.03,
    "FlipAngle": 87,
    "ImageOrientationPatientDICOM": [
      1,
      0,
      5.55112e-17,
      0,
      0.85896,
      -0.512043
    ],
    "ImageType": [
      "ORIGINAL",
      "PRIMARY",
      "M",
      "ND",
      "MOSAIC"
    ],
    "InPlanePhaseEncodingDirectionDICOM": "COL",
    "InstitutionAddress": "washington_avegreenhall_C2B0D1_new_jersey_08544_US",
    "InstitutionName": "Princeton_University",
    "MRAcquisitionType": "2D",
    "MagneticFieldStrength": 3,
    "Manufacturer": "Siemens",
    "ManufacturersModelName": "Allegra",
    "Modality": "MR",
    "PartialFourier": 1,
    "PatientPosition": "HFS",
    "PercentPhaseFOV": 100,
    "PhaseEncodingDirection": "j-",
    "PhaseEncodingSteps": 64,
    "PhaseResolution": 1,
    "PixelBandwidth": 1420,
    "ProcedureStepDescription": "BotvinickLab_Amitai",
    "ProtocolName": "ep2d_FRG",
    "PulseSequenceDetails": "%SiemensSeq%_ep2d_bold",
    "ReceiveCoilName": "Head_3T",
    "ReconMatrixPE": 64,
    "RepetitionTime": 3,
    "SAR": 0.0482763,
    "ScanOptions": "FS",
    "ScanningSequence": "SE_EP",
    "SequenceName": "_epfid2d1_64",
    "SequenceVariant": "SK",
    "SeriesDescription": "ep2d_FRG",
    "SeriesNumber": 5,
    "ShimSetting": [
      -45,
      41,
      154,
      88,
      1491,
      450,
      -483,
      -167
    ],
    "SliceThickness": 3,
    "SoftwareVersions": "syngo_MR_2004A_4VA25A",
    "SpacingBetweenSlices": 3,
    "StationName": "MRC20413",
    "TaskName": "forage-engage decision task",
    "TxRefAmp": 184.109,
    "dataset": "ds001921",
    "modality": "bold",
    "run_id": 1,
    "subject_id": "08",
    "task_id": "forage"
  },
  "dummy_trs": 0,
  "dvars_nstd": 27.138085734876636,
  "dvars_std": 1.0487797332656021,
  "dvars_vstd": 0.9401410704063845,
  "efc": 0.5730178460090276,
  "fber": 987.8656005859375,
  "fd_mean": 0.07378003329330195,
  "fd_num": 18,
  "fd_perc": 2.608695652173913,
  "fwhm_avg": 1.9230033333333332,
  "fwhm_x": 1.86883,
  "fwhm_y": 1.9644033333333333,
  "fwhm_z": 1.9357766666666667,
  "gcor": 0.206716,
  "gsr_x": 0.0010175962233915925,
  "gsr_y": 0.04412315785884857,
  "provenance": {
    "md5sum": "1a7612995a4f9d049446c8a39d998e4f",
    "settings": {
      "fd_thres": 0.2,
      "testing": false
    },
    "software": "mriqc",
    "version": "22.0.6",
    "webapi_port": null,
    "webapi_url": "https://mriqc.nimh.nih.gov/api/v1"
  },
  "size_t": 690,
  "size_x": 64,
  "size_y": 64,
  "size_z": 43,
  "snr": 5.06167109264152,
  "spacing_tr": 3.0,
  "spacing_x": 3.0,
  "spacing_y": 3.0,
  "spacing_z": 3.0,
  "summary_bg_k": 27.16851801660154,
  "summary_bg_mad": 16.168960247659193,
  "summary_bg_mean": 52.780120849609375,
  "summary_bg_median": 22.675363540649414,
  "summary_bg_n": 99350.0,
  "summary_bg_p05": 10.695652961730957,
  "summary_bg_p95": 193.8497154235839,
  "summary_bg_stdv": 78.17010498046875,
  "summary_fg_k": 1.6195612578278151,
  "summary_fg_mad": 129.07887466692785,
  "summary_fg_mean": 759.1163940429688,
  "summary_fg_median": 742.7666625976562,
  "summary_fg_n": 38361.0,
  "summary_fg_p05": 542.3536376953125,
  "summary_fg_p95": 1005.3927612304688,
  "summary_fg_stdv": 146.741455078125,
  "tsnr": 38.704452430829406
}