{
  "aor": 0.0010307272727272728,
  "aqi": 0.01401361858181818,
  "bids_meta": {
    "AcquisitionMatrixPE": 64,
    "AcquisitionNumber": 1,
    "AcquisitionTime": "11:31:4.052510",
    "BaseResolution": 64,
    "ConversionSoftware": "dcm2niix",
    "ConversionSoftwareVersion": "v1.0.20180518 GCC4.8.5",
    "DeviceSerialNumber": "20413",
    "EchoTime": 0.03,
    "FlipAngle": 87,
    "ImageOrientationPatientDICOM": [
      1,
      2.22045e-16,
      0,
      -2.22045e-16,
      0.896486,
      -0.443071
    ],
    "ImageType": [
      "ORIGINAL",
      "PRIMARY",
      "M",
      "ND",
      "MOSAIC"
    ],
    "InPlanePhaseEncodingDirectionDICOM": "COL",
    "InstitutionAddress": "washington_avegreenhall_BDD552_new_jersey_08544_US",
    "InstitutionName": "Princeton_University",
    "MRAcquisitionType": "2D",
    "MagneticFieldStrength": 3,
    "Manufacturer": "Siemens",
    "ManufacturersModelName": "Allegra",
    "Modality": "MR",
    "PartialFourier": 1,
    "PatientPosition": "HFS",
    "PercentPhaseFOV": 100,
    "PhaseEncodingDirection": "j-",
    "PhaseEncodingSteps": 64,
    "PhaseResolution": 1,
    "PixelBandwidth": 1420,
    "ProcedureStepDescription": "BotvinickLab_Amitai",
    "ProtocolName": "ep2d_FRG",
    "PulseSequenceDetails": "%SiemensSeq%_ep2d_bold",
    "ReceiveCoilName": "Head_3T",
    "ReconMatrixPE": 64,
    "RepetitionTime": 3,
    "SAR": 0.0586866,
    "ScanOptions": "FS",
    "ScanningSequence": "SE_EP",
    "SequenceName": "_epfid2d1_64",
    "SequenceVariant": "SK",
    "SeriesDescription": "ep2d_FRG",
    "SeriesNumber": 5,
    "ShimSetting": [
      -36,
      10,
      114,
      268,
      1585,
      911,
      -351,
      -225
    ],
    "SliceThickness": 3,
    "SoftwareVersions": "syngo_MR_2004A_4VA25A",
    "SpacingBetweenSlices": 3,
    "StationName": "MRC20413",
    "TaskName": "forage-engage decision task",
    "TxRefAmp": 163.865,
    "dataset": "ds001921",
    "modality": "bold",
    "run_id": 1,
    "subject_id": "02",
    "task_id": "forage"
  },
  "dummy_trs": 0,
  "dvars_nstd": 31.699304518287782,
  "dvars_std": 1.0634323240255017,
  "dvars_vstd": 0.9726686664845166,
  "efc": 0.5991045276267334,
  "fber": 1260.391357421875,
  "fd_mean": 0.2482586564137333,
  "fd_num": 253,
  "fd_perc": 46.0,
  "fwhm_avg": 1.9634233333333333,
  "fwhm_x": 1.8827433333333332,
  "fwhm_y": 2.0648733333333333,
  "fwhm_z": 1.9426533333333333,
  "gcor": 0.0261532,
  "gsr_x": -0.019323987886309624,
  "gsr_y": 0.06366308033466339,
  "provenance": {
    "md5sum": "600aec4379b36edc87fbefb96a9d9fda",
    "settings": {
      "fd_thres": 0.2,
      "testing": false
    },
    "software": "mriqc",
    "version": "22.0.6",
    "webapi_port": null,
    "webapi_url": "https://mriqc.nimh.nih.gov/api/v1"
  },
  "size_t": 550,
  "size_x": 64,
  "size_y": 64,
  "size_z": 43,
  "snr": 4.647403873610967,
  "spacing_tr": 3.0,
  "spacing_x": 3.0,
  "spacing_y": 3.0,
  "spacing_z": 3.0,
  "summary_bg_k": 22.80003352416755,
  "summary_bg_mad": 10.688213879589004,
  "summary_bg_mean": 45.488182067871094,
  "summary_bg_median": 17.827272415161133,
  "summary_bg_n": 90422.0,
  "summary_bg_p05": 9.556364059448242,
  "summary_bg_p95": 171.30354385375975,
  "summary_bg_stdv": 72.10343170166016,
  "summary_fg_k": 1.8539318463560663,
  "summary_fg_mad": 132.42875574156523,
  "summary_fg_mean": 692.3486938476562,
  "summary_fg_median": 677.3200073242188,
  "summary_fg_n": 45257.0,
  "summary_fg_p05": 470.39891357421874,
  "summary_fg_p95": 929.2148925781249,
  "summary_fg_stdv": 145.73997497558594,
  "tsnr": 37.83567583747208
}