{
  "aor": 0.005971990881458967,
  "aqi": 0.01704771349544073,
  "bids_meta": {
    "AcquisitionMatrixPE": 64,
    "AcquisitionNumber": 1,
    "AcquisitionTime": "18:03:35.355020",
    "BaseResolution": 64,
    "ConversionSoftware": "dcm2niix",
    "ConversionSoftwareVersion": "v1.0.20180518 GCC4.8.5",
    "DeviceSerialNumber": "20413",
    "EchoTime": 0.03,
    "FlipAngle": 87,
    "ImageOrientationPatientDICOM": [
      1,
      -1.11022e-16,
      0,
      1.11022e-16,
      0.946085,
      -0.323917
    ],
    "ImageType": [
      "ORIGINAL",
      "PRIMARY",
      "M",
      "ND",
      "MOSAIC"
    ],
    "InPlanePhaseEncodingDirectionDICOM": "COL",
    "InstitutionAddress": "washington_avegreenhall_C2B0D1_new_jersey_08544_US",
    "InstitutionName": "Princeton_University",
    "MRAcquisitionType": "2D",
    "MagneticFieldStrength": 3,
    "Manufacturer": "Siemens",
    "ManufacturersModelName": "Allegra",
    "Modality": "MR",
    "PartialFourier": 1,
    "PatientPosition": "HFS",
    "PercentPhaseFOV": 100,
    "PhaseEncodingDirection": "j-",
    "PhaseEncodingSteps": 64,
    "PhaseResolution": 1,
    "PixelBandwidth": 1420,
    "ProcedureStepDescription": "BotvinickLab_Amitai",
    "ProtocolName": "ep2d_FRG",
    "PulseSequenceDetails": "%SiemensSeq%_ep2d_bold",
    "ReceiveCoilName": "Head_3T",
    "ReconMatrixPE": 64,
    "RepetitionTime": 3,
    "SAR": 0.0517572,
    "ScanOptions": "FS",
    "ScanningSequence": "SE_EP",
    "SequenceName": "_epfid2d1_64",
    "SequenceVariant": "SK",
    "SeriesDescription": "ep2d_FRG",
    "SeriesNumber": 5,
    "ShimSetting": [
      -34,
      -19,
      125,
      219,
      1814,
      1114,
      13,
      -164
    ],
    "SliceThickness": 3,
    "SoftwareVersions": "syngo_MR_2004A_4VA25A",
    "SpacingBetweenSlices": 3,
    "StationName": "MRC20413",
    "TaskName": "forage-engage decision task",
    "TxRefAmp": 166.684,
    "dataset": "ds001921",
    "modality": "bold",
    "run_id": 1,
    "subject_id": "14",
    "task_id": "forage"
  },
  "dummy_trs": 2,
  "dvars_nstd": 31.52938374512939,
  "dvars_std": 1.1594205246118718,
  "dvars_vstd": 1.0288492880365292,
  "efc": 0.6010799981875056,
  "fber": 1565.5816650390625,
  "fd_mean": 0.12171525634438406,
  "fd_num": 87,
  "fd_perc": 13.221884498480243,
  "fwhm_avg": 1.7807322222222222,
  "fwhm_x": 1.6839033333333333,
  "fwhm_y": 1.8867166666666666,
  "fwhm_z": 1.7715766666666666,
  "gcor": 0.0264709,
  "gsr_x": 0.005166385788470507,
  "gsr_y": 0.05072077363729477,
  "provenance": {
    "md5sum": "8afb797cbf041399f510d212c018ffb9",
    "settings": {
      "fd_thres": 0.2,
      "testing": false
    },
    "software": "mriqc",
    "version": "22.0.6",
    "webapi_port": null,
    "webapi_url": "https://mriqc.nimh.nih.gov/api/v1"
  },
  "size_t": 658,
  "size_x": 64,
  "size_y": 64,
  "size_z": 43,
  "snr": 5.707010306204344,
  "spacing_tr": 3.0,
  "spacing_x": 3.0,
  "spacing_y": 3.0,
  "spacing_z": 3.0,
  "summary_bg_k": 37.98737805285609,
  "summary_bg_mad": 9.822803851542849,
  "summary_bg_mean": 38.829612731933594,
  "summary_bg_median": 17.272796630859375,
  "summary_bg_n": 88828.0,
  "summary_bg_p05": 9.94528865814209,
  "summary_bg_p95": 142.68336486816406,
  "summary_bg_stdv": 56.509891510009766,
  "summary_fg_k": 3.9207314769790216,
  "summary_fg_mad": 106.11871974143908,
  "summary_fg_mean": 744.0286865234375,
  "summary_fg_median": 728.9240112304688,
  "summary_fg_n": 47537.0,
  "summary_fg_p05": 573.4206665039062,
  "summary_fg_p95": 953.5817626953124,
  "summary_fg_stdv": 127.72297668457031,
  "tsnr": 43.58238855493255
}