{
  "aor": 0.0009298541329011346,
  "aqi": 0.019518668022690436,
  "bids_meta": {
    "AcquisitionMatrixPE": 64,
    "AcquisitionNumber": 1,
    "AcquisitionTime": "18:37:49.817500",
    "BaseResolution": 64,
    "ConversionSoftware": "dcm2niix",
    "ConversionSoftwareVersion": "v1.0.20180518 GCC4.8.5",
    "DeviceSerialNumber": "20413",
    "EchoTime": 0.03,
    "FlipAngle": 87,
    "ImageOrientationPatientDICOM": [
      1,
      -1.11022e-16,
      0,
      1.11022e-16,
      0.946085,
      -0.323917
    ],
    "ImageType": [
      "ORIGINAL",
      "PRIMARY",
      "M",
      "ND",
      "MOSAIC"
    ],
    "InPlanePhaseEncodingDirectionDICOM": "COL",
    "InstitutionAddress": "washington_avegreenhall_C2B0D1_new_jersey_08544_US",
    "InstitutionName": "Princeton_University",
    "MRAcquisitionType": "2D",
    "MagneticFieldStrength": 3,
    "Manufacturer": "Siemens",
    "ManufacturersModelName": "Allegra",
    "Modality": "MR",
    "PartialFourier": 1,
    "PatientPosition": "HFS",
    "PercentPhaseFOV": 100,
    "PhaseEncodingDirection": "j-",
    "PhaseEncodingSteps": 64,
    "PhaseResolution": 1,
    "PixelBandwidth": 1420,
    "ProcedureStepDescription": "BotvinickLab_Amitai",
    "ProtocolName": "ep2d_FRG",
    "PulseSequenceDetails": "%SiemensSeq%_ep2d_bold",
    "ReceiveCoilName": "Head_3T",
    "ReconMatrixPE": 64,
    "RepetitionTime": 3,
    "SAR": 0.0517572,
    "ScanOptions": "FS",
    "ScanningSequence": "SE_EP",
    "SequenceName": "_epfid2d1_64",
    "SequenceVariant": "SK",
    "SeriesDescription": "ep2d_FRG",
    "SeriesNumber": 6,
    "ShimSetting": [
      -34,
      -19,
      125,
      219,
      1814,
      1114,
      13,
      -164
    ],
    "SliceThickness": 3,
    "SoftwareVersions": "syngo_MR_2004A_4VA25A",
    "SpacingBetweenSlices": 3,
    "StationName": "MRC20413",
    "TaskName": "forage-engage decision task",
    "TxRefAmp": 166.684,
    "dataset": "ds001921",
    "modality": "bold",
    "run_id": 2,
    "subject_id": "14",
    "task_id": "forage"
  },
  "dummy_trs": 0,
  "dvars_nstd": 29.05112025025973,
  "dvars_std": 1.1067994935714296,
  "dvars_vstd": 0.9668369847564944,
  "efc": 0.5966307345272633,
  "fber": 1617.7828369140625,
  "fd_mean": 0.1616875809006206,
  "fd_num": 154,
  "fd_perc": 24.959481361426256,
  "fwhm_avg": 1.7960377777777776,
  "fwhm_x": 1.7019366666666667,
  "fwhm_y": 1.8966399999999999,
  "fwhm_z": 1.7895366666666668,
  "gcor": 0.0114198,
  "gsr_x": 0.00810928177088499,
  "gsr_y": 0.04718718305230141,
  "provenance": {
    "md5sum": "43ad4d0b020186ff7eb72738dedcba8b",
    "settings": {
      "fd_thres": 0.2,
      "testing": false
    },
    "software": "mriqc",
    "version": "22.0.6",
    "webapi_port": null,
    "webapi_url": "https://mriqc.nimh.nih.gov/api/v1"
  },
  "size_t": 617,
  "size_x": 64,
  "size_y": 64,
  "size_z": 43,
  "snr": 5.740394073052248,
  "spacing_tr": 3.0,
  "spacing_x": 3.0,
  "spacing_y": 3.0,
  "spacing_z": 3.0,
  "summary_bg_k": 38.47966372473851,
  "summary_bg_mad": 10.736251092983757,
  "summary_bg_mean": 39.56342697143555,
  "summary_bg_median": 17.674230575561523,
  "summary_bg_n": 89888.0,
  "summary_bg_p05": 9.312804222106934,
  "summary_bg_p95": 147.86361160278292,
  "summary_bg_stdv": 57.07737350463867,
  "summary_fg_k": 3.7437320522298343,
  "summary_fg_mad": 108.5014345250982,
  "summary_fg_mean": 756.9568481445312,
  "summary_fg_median": 742.403564453125,
  "summary_fg_n": 46775.0,
  "summary_fg_p05": 582.913134765625,
  "summary_fg_p95": 968.9124633789062,
  "summary_fg_stdv": 129.32833862304688,
  "tsnr": 42.556038024951704
}