{
  "aor": 0.000505787728026534,
  "aqi": 0.005913076451077943,
  "bids_meta": {
    "AcquisitionMatrixPE": 64,
    "AcquisitionNumber": 1,
    "AcquisitionTime": "16:49:6.710010",
    "BaseResolution": 64,
    "ConversionSoftware": "dcm2niix",
    "ConversionSoftwareVersion": "v1.0.20180518 GCC4.8.5",
    "DeviceSerialNumber": "20413",
    "EchoTime": 0.03,
    "FlipAngle": 87,
    "ImageOrientationPatientDICOM": [
      1,
      0,
      0,
      0,
      0.888617,
      -0.45865
    ],
    "ImageType": [
      "ORIGINAL",
      "PRIMARY",
      "M",
      "ND",
      "MOSAIC"
    ],
    "InPlanePhaseEncodingDirectionDICOM": "COL",
    "InstitutionAddress": "washington_avegreenhall_C2B0D1_new_jersey_08544_US",
    "InstitutionName": "Princeton_University",
    "MRAcquisitionType": "2D",
    "MagneticFieldStrength": 3,
    "Manufacturer": "Siemens",
    "ManufacturersModelName": "Allegra",
    "Modality": "MR",
    "PartialFourier": 1,
    "PatientPosition": "HFS",
    "PercentPhaseFOV": 100,
    "PhaseEncodingDirection": "j-",
    "PhaseEncodingSteps": 64,
    "PhaseResolution": 1,
    "PixelBandwidth": 1420,
    "ProcedureStepDescription": "BotvinickLab_Amitai",
    "ProtocolName": "ep2d_FRG",
    "PulseSequenceDetails": "%SiemensSeq%_ep2d_bold",
    "ReceiveCoilName": "Head_3T",
    "ReconMatrixPE": 64,
    "RepetitionTime": 3,
    "SAR": 0.0519178,
    "ScanOptions": "FS",
    "ScanningSequence": "SE_EP",
    "SequenceName": "_epfid2d1_64",
    "SequenceVariant": "SK",
    "SeriesDescription": "ep2d_FRG",
    "SeriesNumber": 5,
    "ShimSetting": [
      -22,
      -12,
      122,
      37,
      1427,
      1012,
      -253,
      -135
    ],
    "SliceThickness": 3,
    "SoftwareVersions": "syngo_MR_2004A_4VA25A",
    "SpacingBetweenSlices": 3,
    "StationName": "MRC20413",
    "TaskName": "forage-engage decision task",
    "TxRefAmp": 151.392,
    "dataset": "ds001921",
    "modality": "bold",
    "run_id": 2,
    "subject_id": "06",
    "task_id": "forage"
  },
  "dummy_trs": 0,
  "dvars_nstd": 23.722622003106284,
  "dvars_std": 1.133731625714286,
  "dvars_vstd": 0.9913463470265781,
  "efc": 0.5671120472624956,
  "fber": 2016.091552734375,
  "fd_mean": 0.06072162723161439,
  "fd_num": 18,
  "fd_perc": 2.985074626865672,
  "fwhm_avg": 2.0165488888888885,
  "fwhm_x": 1.9402833333333334,
  "fwhm_y": 2.0769233333333332,
  "fwhm_z": 2.03244,
  "gcor": 0.00909215,
  "gsr_x": -0.01040103379637003,
  "gsr_y": 0.04639170318841934,
  "provenance": {
    "md5sum": "7be86476e129af8949a7cac7f52df99a",
    "settings": {
      "fd_thres": 0.2,
      "testing": false
    },
    "software": "mriqc",
    "version": "22.0.6",
    "webapi_port": null,
    "webapi_url": "https://mriqc.nimh.nih.gov/api/v1"
  },
  "size_t": 603,
  "size_x": 64,
  "size_y": 64,
  "size_z": 43,
  "snr": 5.501252900287234,
  "spacing_tr": 3.0,
  "spacing_x": 3.0,
  "spacing_y": 3.0,
  "spacing_z": 3.0,
  "summary_bg_k": 40.56364601589743,
  "summary_bg_mad": 8.08669714985214,
  "summary_bg_mean": 36.223976135253906,
  "summary_bg_median": 14.749585151672363,
  "summary_bg_n": 95801.0,
  "summary_bg_p05": 8.857379913330078,
  "summary_bg_p95": 135.71807861328125,
  "summary_bg_stdv": 61.405731201171875,
  "summary_fg_k": 1.8067013366552462,
  "summary_fg_mad": 115.27657555913952,
  "summary_fg_mean": 708.9093627929688,
  "summary_fg_median": 705.311767578125,
  "summary_fg_n": 40989.0,
  "summary_fg_p05": 499.76784057617186,
  "summary_fg_p95": 909.1704833984375,
  "summary_fg_stdv": 128.20773315429688,
  "tsnr": 63.856381104909815
}