{
  "aor": 0.0005616544117647059,
  "aqi": 0.009075981066176471,
  "bids_meta": {
    "AcquisitionMatrixPE": 64,
    "AcquisitionNumber": 1,
    "AcquisitionTime": "17:52:40.467480",
    "BaseResolution": 64,
    "ConversionSoftware": "dcm2niix",
    "ConversionSoftwareVersion": "v1.0.20180518 GCC4.8.5",
    "DeviceSerialNumber": "20413",
    "EchoTime": 0.03,
    "FlipAngle": 87,
    "ImageOrientationPatientDICOM": [
      1,
      2.22045e-16,
      0,
      -2.22045e-16,
      0.899558,
      -0.436802
    ],
    "ImageType": [
      "ORIGINAL",
      "PRIMARY",
      "M",
      "ND",
      "MOSAIC"
    ],
    "InPlanePhaseEncodingDirectionDICOM": "COL",
    "InstitutionAddress": "washington_avegreenhall_BDD552_new_jersey_08544_US",
    "InstitutionName": "Princeton_University",
    "MRAcquisitionType": "2D",
    "MagneticFieldStrength": 3,
    "Manufacturer": "Siemens",
    "ManufacturersModelName": "Allegra",
    "Modality": "MR",
    "PartialFourier": 1,
    "PatientPosition": "HFS",
    "PercentPhaseFOV": 100,
    "PhaseEncodingDirection": "j-",
    "PhaseEncodingSteps": 64,
    "PhaseResolution": 1,
    "PixelBandwidth": 1420,
    "ProcedureStepDescription": "BotvinickLab_Amitai",
    "ProtocolName": "ep2d_FRG",
    "PulseSequenceDetails": "%SiemensSeq%_ep2d_bold",
    "ReceiveCoilName": "Head_3T",
    "ReconMatrixPE": 64,
    "RepetitionTime": 3,
    "SAR": 0.0342991,
    "ScanOptions": "FS",
    "ScanningSequence": "SE_EP",
    "SequenceName": "_epfid2d1_64",
    "SequenceVariant": "SK",
    "SeriesDescription": "ep2d_FRG",
    "SeriesNumber": 5,
    "ShimSetting": [
      -28,
      -30,
      114,
      614,
      1577,
      1217,
      -275,
      -136
    ],
    "SliceThickness": 3,
    "SoftwareVersions": "syngo_MR_2004A_4VA25A",
    "SpacingBetweenSlices": 3,
    "StationName": "MRC20413",
    "TaskName": "forage-engage decision task",
    "TxRefAmp": 151.945,
    "dataset": "ds001921",
    "modality": "bold",
    "run_id": 2,
    "subject_id": "01",
    "task_id": "forage"
  },
  "dummy_trs": 0,
  "dvars_nstd": 26.131473955764253,
  "dvars_std": 1.1147718849723751,
  "dvars_vstd": 0.9933828374953958,
  "efc": 0.5501143699770217,
  "fber": 1805.598388671875,
  "fd_mean": 0.0979388555621478,
  "fd_num": 35,
  "fd_perc": 6.4338235294117645,
  "fwhm_avg": 1.8283566666666664,
  "fwhm_x": 1.72867,
  "fwhm_y": 1.93244,
  "fwhm_z": 1.8239599999999998,
  "gcor": 0.00870766,
  "gsr_x": -0.01580943539738655,
  "gsr_y": 0.029117655009031296,
  "provenance": {
    "md5sum": "48413fd380bb2b6af0ac6ab4e377188b",
    "settings": {
      "fd_thres": 0.2,
      "testing": false
    },
    "software": "mriqc",
    "version": "22.0.6",
    "webapi_port": null,
    "webapi_url": "https://mriqc.nimh.nih.gov/api/v1"
  },
  "size_t": 544,
  "size_x": 64,
  "size_y": 64,
  "size_z": 43,
  "snr": 6.066680905738011,
  "spacing_tr": 3.0,
  "spacing_x": 3.0,
  "spacing_y": 3.0,
  "spacing_z": 3.0,
  "summary_bg_k": 40.84236585058043,
  "summary_bg_mad": 8.587646056571442,
  "summary_bg_mean": 35.765357971191406,
  "summary_bg_median": 15.354779243469238,
  "summary_bg_n": 100981.0,
  "summary_bg_p05": 9.03125,
  "summary_bg_p95": 122.58455657958984,
  "summary_bg_stdv": 58.02663040161133,
  "summary_fg_k": 3.6589719680160036,
  "summary_fg_mad": 99.2703263577957,
  "summary_fg_mean": 700.27685546875,
  "summary_fg_median": 693.3777465820312,
  "summary_fg_n": 36620.0,
  "summary_fg_p05": 532.7670867919921,
  "summary_fg_p95": 878.5134307861327,
  "summary_fg_stdv": 114.29120635986328,
  "tsnr": 58.36016384803224
}