{
  "aor": 0.00024474729241877254,
  "aqi": 0.014007266046931408,
  "bids_meta": {
    "AcquisitionMatrixPE": 64,
    "AcquisitionNumber": 1,
    "AcquisitionTime": "17:23:52.062490",
    "BaseResolution": 64,
    "ConversionSoftware": "dcm2niix",
    "ConversionSoftwareVersion": "v1.0.20180518 GCC4.8.5",
    "DeviceSerialNumber": "20413",
    "EchoTime": 0.03,
    "FlipAngle": 87,
    "ImageOrientationPatientDICOM": [
      1,
      2.22045e-16,
      0,
      -2.22045e-16,
      0.899558,
      -0.436802
    ],
    "ImageType": [
      "ORIGINAL",
      "PRIMARY",
      "M",
      "ND",
      "MOSAIC"
    ],
    "InPlanePhaseEncodingDirectionDICOM": "COL",
    "InstitutionAddress": "washington_avegreenhall_BDD552_new_jersey_08544_US",
    "InstitutionName": "Princeton_University",
    "MRAcquisitionType": "2D",
    "MagneticFieldStrength": 3,
    "Manufacturer": "Siemens",
    "ManufacturersModelName": "Allegra",
    "Modality": "MR",
    "PartialFourier": 1,
    "PatientPosition": "HFS",
    "PercentPhaseFOV": 100,
    "PhaseEncodingDirection": "j-",
    "PhaseEncodingSteps": 64,
    "PhaseResolution": 1,
    "PixelBandwidth": 1420,
    "ProcedureStepDescription": "BotvinickLab_Amitai",
    "ProtocolName": "ep2d_FRG",
    "PulseSequenceDetails": "%SiemensSeq%_ep2d_bold",
    "ReceiveCoilName": "Head_3T",
    "ReconMatrixPE": 64,
    "RepetitionTime": 3,
    "SAR": 0.0342991,
    "ScanOptions": "FS",
    "ScanningSequence": "SE_EP",
    "SequenceName": "_epfid2d1_64",
    "SequenceVariant": "SK",
    "SeriesDescription": "ep2d_FRG",
    "SeriesNumber": 4,
    "ShimSetting": [
      -28,
      -30,
      114,
      614,
      1577,
      1217,
      -275,
      -136
    ],
    "SliceThickness": 3,
    "SoftwareVersions": "syngo_MR_2004A_4VA25A",
    "SpacingBetweenSlices": 3,
    "StationName": "MRC20413",
    "TaskName": "forage-engage decision task",
    "TxRefAmp": 151.945,
    "dataset": "ds001921",
    "modality": "bold",
    "run_id": 1,
    "subject_id": "01",
    "task_id": "forage"
  },
  "dummy_trs": 0,
  "dvars_nstd": 26.465293932748654,
  "dvars_std": 1.0740829210488245,
  "dvars_vstd": 0.9604605793670888,
  "efc": 0.5491191697315734,
  "fber": 1901.8382568359375,
  "fd_mean": 0.09884395227849059,
  "fd_num": 32,
  "fd_perc": 5.776173285198556,
  "fwhm_avg": 1.8718033333333333,
  "fwhm_x": 1.7835566666666667,
  "fwhm_y": 1.97575,
  "fwhm_z": 1.8561033333333334,
  "gcor": 0.0128948,
  "gsr_x": -0.013559010811150074,
  "gsr_y": 0.03406161442399025,
  "provenance": {
    "md5sum": "23b794720ea182278d7ce4510b53587c",
    "settings": {
      "fd_thres": 0.2,
      "testing": false
    },
    "software": "mriqc",
    "version": "22.0.6",
    "webapi_port": null,
    "webapi_url": "https://mriqc.nimh.nih.gov/api/v1"
  },
  "size_t": 554,
  "size_x": 64,
  "size_y": 64,
  "size_z": 43,
  "snr": 6.009477564014609,
  "spacing_tr": 3.0,
  "spacing_x": 3.0,
  "spacing_y": 3.0,
  "spacing_z": 3.0,
  "summary_bg_k": 40.784170036415034,
  "summary_bg_mad": 8.207836130405468,
  "summary_bg_mean": 34.58614730834961,
  "summary_bg_median": 15.066786766052246,
  "summary_bg_n": 100660.0,
  "summary_bg_p05": 8.967509269714355,
  "summary_bg_p95": 118.68808250427237,
  "summary_bg_stdv": 55.46702575683594,
  "summary_fg_k": 3.331028028322911,
  "summary_fg_mad": 100.34599118759161,
  "summary_fg_mean": 702.6740112304688,
  "summary_fg_median": 696.128173828125,
  "summary_fg_n": 36896.0,
  "summary_fg_p05": 529.67822265625,
  "summary_fg_p95": 885.0721893310547,
  "summary_fg_stdv": 115.8368148803711,
  "tsnr": 48.67209141445346
}