{
  "aor": 0.0008059847036328871,
  "aqi": 0.013026948680688337,
  "bids_meta": {
    "AcquisitionMatrixPE": 64,
    "AcquisitionNumber": 1,
    "AcquisitionTime": "19:39:35.069990",
    "BaseResolution": 64,
    "ConversionSoftware": "dcm2niix",
    "ConversionSoftwareVersion": "v1.0.20180518 GCC4.8.5",
    "DeviceSerialNumber": "20413",
    "EchoTime": 0.03,
    "FlipAngle": 87,
    "ImageOrientationPatientDICOM": [
      1,
      0,
      0,
      0,
      0.946649,
      -0.322266
    ],
    "ImageType": [
      "ORIGINAL",
      "PRIMARY",
      "M",
      "ND",
      "MOSAIC"
    ],
    "InPlanePhaseEncodingDirectionDICOM": "COL",
    "InstitutionAddress": "washington_avegreenhall_C2B0D1_new_jersey_08544_US",
    "InstitutionName": "Princeton_University",
    "MRAcquisitionType": "2D",
    "MagneticFieldStrength": 3,
    "Manufacturer": "Siemens",
    "ManufacturersModelName": "Allegra",
    "Modality": "MR",
    "PartialFourier": 1,
    "PatientPosition": "HFS",
    "PercentPhaseFOV": 100,
    "PhaseEncodingDirection": "j-",
    "PhaseEncodingSteps": 64,
    "PhaseResolution": 1,
    "PixelBandwidth": 1420,
    "ProcedureStepDescription": "BotvinickLab_Amitai",
    "ProtocolName": "ep2d_FRG",
    "PulseSequenceDetails": "%SiemensSeq%_ep2d_bold",
    "ReceiveCoilName": "Head_3T",
    "ReconMatrixPE": 64,
    "RepetitionTime": 3,
    "SAR": 0.0559571,
    "ScanOptions": "FS",
    "ScanningSequence": "SE_EP",
    "SequenceName": "_epfid2d1_64",
    "SequenceVariant": "SK",
    "SeriesDescription": "ep2d_FRG",
    "SeriesNumber": 4,
    "ShimSetting": [
      -31,
      -23,
      120,
      352,
      1560,
      878,
      -80,
      -184
    ],
    "SliceThickness": 3,
    "SoftwareVersions": "syngo_MR_2004A_4VA25A",
    "SpacingBetweenSlices": 3,
    "StationName": "MRC20413",
    "TaskName": "forage-engage decision task",
    "TxRefAmp": 167.926,
    "dataset": "ds001921",
    "modality": "bold",
    "run_id": 1,
    "subject_id": "10",
    "task_id": "forage"
  },
  "dummy_trs": 2,
  "dvars_nstd": 28.083039623716463,
  "dvars_std": 1.1024939601341006,
  "dvars_vstd": 0.9689833932758618,
  "efc": 0.5835828424977758,
  "fber": 1608.396484375,
  "fd_mean": 0.13475884175336092,
  "fd_num": 79,
  "fd_perc": 15.105162523900574,
  "fwhm_avg": 1.8646899999999997,
  "fwhm_x": 1.76884,
  "fwhm_y": 1.9981733333333331,
  "fwhm_z": 1.8270566666666666,
  "gcor": 0.00882072,
  "gsr_x": -0.022079555317759514,
  "gsr_y": 0.05590933561325073,
  "provenance": {
    "md5sum": "bcc568d99cefd3f9d6aaf6c754f676f5",
    "settings": {
      "fd_thres": 0.2,
      "testing": false
    },
    "software": "mriqc",
    "version": "22.0.6",
    "webapi_port": null,
    "webapi_url": "https://mriqc.nimh.nih.gov/api/v1"
  },
  "size_t": 523,
  "size_x": 64,
  "size_y": 64,
  "size_z": 43,
  "snr": 5.692656236749934,
  "spacing_tr": 3.0,
  "spacing_x": 3.0,
  "spacing_y": 3.0,
  "spacing_z": 3.0,
  "summary_bg_k": 25.707887716189827,
  "summary_bg_mad": 9.981341007030062,
  "summary_bg_mean": 43.71297836303711,
  "summary_bg_median": 17.741872787475586,
  "summary_bg_n": 93955.0,
  "summary_bg_p05": 10.284894943237305,
  "summary_bg_p95": 168.5290588378907,
  "summary_bg_stdv": 65.86251068115234,
  "summary_fg_k": 2.890505991459423,
  "summary_fg_mad": 116.95554293964202,
  "summary_fg_mean": 769.148193359375,
  "summary_fg_median": 756.70556640625,
  "summary_fg_n": 43071.0,
  "summary_fg_p05": 585.238037109375,
  "summary_fg_p95": 982.6902465820312,
  "summary_fg_stdv": 132.92507934570312,
  "tsnr": 48.045221922919154
}