{
  "aor": 0.0006904845814977973,
  "aqi": 0.01417325731277533,
  "bids_meta": {
    "AcquisitionMatrixPE": 64,
    "AcquisitionNumber": 1,
    "AcquisitionTime": "20:06:56.727510",
    "BaseResolution": 64,
    "ConversionSoftware": "dcm2niix",
    "ConversionSoftwareVersion": "v1.0.20180518 GCC4.8.5",
    "DeviceSerialNumber": "20413",
    "EchoTime": 0.03,
    "FlipAngle": 87,
    "ImageOrientationPatientDICOM": [
      1,
      0,
      0,
      0,
      0.946649,
      -0.322266
    ],
    "ImageType": [
      "ORIGINAL",
      "PRIMARY",
      "M",
      "ND",
      "MOSAIC"
    ],
    "InPlanePhaseEncodingDirectionDICOM": "COL",
    "InstitutionAddress": "washington_avegreenhall_C2B0D1_new_jersey_08544_US",
    "InstitutionName": "Princeton_University",
    "MRAcquisitionType": "2D",
    "MagneticFieldStrength": 3,
    "Manufacturer": "Siemens",
    "ManufacturersModelName": "Allegra",
    "Modality": "MR",
    "PartialFourier": 1,
    "PatientPosition": "HFS",
    "PercentPhaseFOV": 100,
    "PhaseEncodingDirection": "j-",
    "PhaseEncodingSteps": 64,
    "PhaseResolution": 1,
    "PixelBandwidth": 1420,
    "ProcedureStepDescription": "BotvinickLab_Amitai",
    "ProtocolName": "ep2d_FRG",
    "PulseSequenceDetails": "%SiemensSeq%_ep2d_bold",
    "ReceiveCoilName": "Head_3T",
    "ReconMatrixPE": 64,
    "RepetitionTime": 3,
    "SAR": 0.0559571,
    "ScanOptions": "FS",
    "ScanningSequence": "SE_EP",
    "SequenceName": "_epfid2d1_64",
    "SequenceVariant": "SK",
    "SeriesDescription": "ep2d_FRG",
    "SeriesNumber": 5,
    "ShimSetting": [
      -31,
      -23,
      120,
      352,
      1560,
      878,
      -80,
      -184
    ],
    "SliceThickness": 3,
    "SoftwareVersions": "syngo_MR_2004A_4VA25A",
    "SpacingBetweenSlices": 3,
    "StationName": "MRC20413",
    "TaskName": "forage-engage decision task",
    "TxRefAmp": 167.926,
    "dataset": "ds001921",
    "modality": "bold",
    "run_id": 2,
    "subject_id": "10",
    "task_id": "forage"
  },
  "dummy_trs": 1,
  "dvars_nstd": 29.55696684046355,
  "dvars_std": 1.116664738763797,
  "dvars_vstd": 0.9788030803531999,
  "efc": 0.5857440702859334,
  "fber": 1521.996826171875,
  "fd_mean": 0.18650102123000348,
  "fd_num": 122,
  "fd_perc": 26.87224669603524,
  "fwhm_avg": 1.8665722222222223,
  "fwhm_x": 1.7774633333333334,
  "fwhm_y": 2.0007966666666666,
  "fwhm_z": 1.8214566666666665,
  "gcor": 0.0115446,
  "gsr_x": -0.022694852203130722,
  "gsr_y": 0.05448424071073532,
  "provenance": {
    "md5sum": "3aecd5f2d63e5ea83e9645e4fa139196",
    "settings": {
      "fd_thres": 0.2,
      "testing": false
    },
    "software": "mriqc",
    "version": "22.0.6",
    "webapi_port": null,
    "webapi_url": "https://mriqc.nimh.nih.gov/api/v1"
  },
  "size_t": 454,
  "size_x": 64,
  "size_y": 64,
  "size_z": 43,
  "snr": 5.696474246532603,
  "spacing_tr": 3.0,
  "spacing_x": 3.0,
  "spacing_y": 3.0,
  "spacing_z": 3.0,
  "summary_bg_k": 23.586158231083846,
  "summary_bg_mad": 10.384746424435985,
  "summary_bg_mean": 44.54544448852539,
  "summary_bg_median": 18.090307235717773,
  "summary_bg_n": 93736.0,
  "summary_bg_p05": 10.151982307434082,
  "summary_bg_p95": 171.04405212402344,
  "summary_bg_stdv": 66.23625183105469,
  "summary_fg_k": 2.96188078367798,
  "summary_fg_mad": 115.77364184248005,
  "summary_fg_mean": 766.1627807617188,
  "summary_fg_median": 753.4889526367188,
  "summary_fg_n": 43217.0,
  "summary_fg_p05": 583.010546875,
  "summary_fg_p95": 979.7233154296873,
  "summary_fg_stdv": 132.27133178710938,
  "tsnr": 47.90691797272302
}