{
  "aor": 0.001164608208955224,
  "aqi": 0.016623823787313433,
  "bids_meta": {
    "AcquisitionMatrixPE": 64,
    "AcquisitionNumber": 1,
    "AcquisitionTime": "11:01:7.150000",
    "BaseResolution": 64,
    "ConversionSoftware": "dcm2niix",
    "ConversionSoftwareVersion": "v1.0.20180518 GCC4.8.5",
    "DeviceSerialNumber": "20413",
    "EchoTime": 0.03,
    "FlipAngle": 87,
    "ImageOrientationPatientDICOM": [
      1,
      0,
      -2.77556e-17,
      0,
      0.918446,
      -0.395546
    ],
    "ImageType": [
      "ORIGINAL",
      "PRIMARY",
      "M",
      "ND",
      "MOSAIC"
    ],
    "InPlanePhaseEncodingDirectionDICOM": "COL",
    "InstitutionAddress": "washington_avegreenhall_C2B0D1_new_jersey_08544_US",
    "InstitutionName": "Princeton_University",
    "MRAcquisitionType": "2D",
    "MagneticFieldStrength": 3,
    "Manufacturer": "Siemens",
    "ManufacturersModelName": "Allegra",
    "Modality": "MR",
    "PartialFourier": 1,
    "PatientPosition": "HFS",
    "PercentPhaseFOV": 100,
    "PhaseEncodingDirection": "j-",
    "PhaseEncodingSteps": 64,
    "PhaseResolution": 1,
    "PixelBandwidth": 1420,
    "ProcedureStepDescription": "BotvinickLab_Amitai",
    "ProtocolName": "ep2d_FRG",
    "PulseSequenceDetails": "%SiemensSeq%_ep2d_bold",
    "ReceiveCoilName": "Head_3T",
    "ReconMatrixPE": 64,
    "RepetitionTime": 3,
    "SAR": 0.067597,
    "ScanOptions": "FS",
    "ScanningSequence": "SE_EP",
    "SequenceName": "_epfid2d1_64",
    "SequenceVariant": "SK",
    "SeriesDescription": "ep2d_FRG",
    "SeriesNumber": 5,
    "ShimSetting": [
      -34,
      -9,
      149,
      225,
      1851,
      1315,
      -140,
      -93
    ],
    "SliceThickness": 3,
    "SoftwareVersions": "syngo_MR_2004A_4VA25A",
    "SpacingBetweenSlices": 3,
    "StationName": "MRC20413",
    "TaskName": "forage-engage decision task",
    "TxRefAmp": 172.504,
    "dataset": "ds001921",
    "modality": "bold",
    "run_id": 2,
    "subject_id": "11",
    "task_id": "forage"
  },
  "dummy_trs": 0,
  "dvars_nstd": 29.787824919420544,
  "dvars_std": 1.1055907494766346,
  "dvars_vstd": 0.9602929471401864,
  "efc": 0.5675599451662252,
  "fber": 1406.453857421875,
  "fd_mean": 0.11468681889718528,
  "fd_num": 74,
  "fd_perc": 13.805970149253731,
  "fwhm_avg": 1.8874777777777778,
  "fwhm_x": 1.8194,
  "fwhm_y": 2.005786666666667,
  "fwhm_z": 1.8372466666666665,
  "gcor": 0.016438,
  "gsr_x": 0.004623172339051962,
  "gsr_y": 0.04127779230475426,
  "provenance": {
    "md5sum": "8d209b327b6f19a9c14341794fdead19",
    "settings": {
      "fd_thres": 0.2,
      "testing": false
    },
    "software": "mriqc",
    "version": "22.0.6",
    "webapi_port": null,
    "webapi_url": "https://mriqc.nimh.nih.gov/api/v1"
  },
  "size_t": 536,
  "size_x": 64,
  "size_y": 64,
  "size_z": 43,
  "snr": 5.545239855148728,
  "spacing_tr": 3.0,
  "spacing_x": 3.0,
  "spacing_y": 3.0,
  "spacing_z": 3.0,
  "summary_bg_k": 18.90335101739542,
  "summary_bg_mad": 10.430769509279008,
  "summary_bg_mean": 46.037376403808594,
  "summary_bg_median": 18.317163467407227,
  "summary_bg_n": 99432.0,
  "summary_bg_p05": 10.58955192565918,
  "summary_bg_p95": 178.02984619140625,
  "summary_bg_stdv": 69.05388641357422,
  "summary_fg_k": 3.376407815072742,
  "summary_fg_mad": 113.15076432152149,
  "summary_fg_mean": 741.53076171875,
  "summary_fg_median": 726.5055541992188,
  "summary_fg_n": 37257.0,
  "summary_fg_p05": 569.4399047851563,
  "summary_fg_p95": 964.0742309570307,
  "summary_fg_stdv": 131.01251220703125,
  "tsnr": 42.932549052871764
}