{
  "aor": 0.0009077368421052633,
  "aqi": 0.02103211333333333,
  "bids_meta": {
    "AcquisitionMatrixPE": 64,
    "AcquisitionNumber": 1,
    "AcquisitionTime": "10:31:20.697490",
    "BaseResolution": 64,
    "ConversionSoftware": "dcm2niix",
    "ConversionSoftwareVersion": "v1.0.20180518 GCC4.8.5",
    "DeviceSerialNumber": "20413",
    "EchoTime": 0.03,
    "FlipAngle": 87,
    "ImageOrientationPatientDICOM": [
      1,
      0,
      -2.77556e-17,
      0,
      0.918446,
      -0.395546
    ],
    "ImageType": [
      "ORIGINAL",
      "PRIMARY",
      "M",
      "ND",
      "MOSAIC"
    ],
    "InPlanePhaseEncodingDirectionDICOM": "COL",
    "InstitutionAddress": "washington_avegreenhall_C2B0D1_new_jersey_08544_US",
    "InstitutionName": "Princeton_University",
    "MRAcquisitionType": "2D",
    "MagneticFieldStrength": 3,
    "Manufacturer": "Siemens",
    "ManufacturersModelName": "Allegra",
    "Modality": "MR",
    "PartialFourier": 1,
    "PatientPosition": "HFS",
    "PercentPhaseFOV": 100,
    "PhaseEncodingDirection": "j-",
    "PhaseEncodingSteps": 64,
    "PhaseResolution": 1,
    "PixelBandwidth": 1420,
    "ProcedureStepDescription": "BotvinickLab_Amitai",
    "ProtocolName": "ep2d_FRG",
    "PulseSequenceDetails": "%SiemensSeq%_ep2d_bold",
    "ReceiveCoilName": "Head_3T",
    "ReconMatrixPE": 64,
    "RepetitionTime": 3,
    "SAR": 0.067597,
    "ScanOptions": "FS",
    "ScanningSequence": "SE_EP",
    "SequenceName": "_epfid2d1_64",
    "SequenceVariant": "SK",
    "SeriesDescription": "ep2d_FRG",
    "SeriesNumber": 4,
    "ShimSetting": [
      -34,
      -9,
      149,
      225,
      1851,
      1315,
      -140,
      -93
    ],
    "SliceThickness": 3,
    "SoftwareVersions": "syngo_MR_2004A_4VA25A",
    "SpacingBetweenSlices": 3,
    "StationName": "MRC20413",
    "TaskName": "forage-engage decision task",
    "TxRefAmp": 172.504,
    "dataset": "ds001921",
    "modality": "bold",
    "run_id": 1,
    "subject_id": "11",
    "task_id": "forage"
  },
  "dummy_trs": 0,
  "dvars_nstd": 29.429695565061483,
  "dvars_std": 1.0862094161511409,
  "dvars_vstd": 0.9554682634446398,
  "efc": 0.5685196025457646,
  "fber": 1350.7567138671875,
  "fd_mean": 0.10435546852615459,
  "fd_num": 71,
  "fd_perc": 12.456140350877194,
  "fwhm_avg": 1.9427533333333333,
  "fwhm_x": 1.8668966666666666,
  "fwhm_y": 2.0752133333333336,
  "fwhm_z": 1.88615,
  "gcor": 0.0181367,
  "gsr_x": 0.004104974679648876,
  "gsr_y": 0.0415785051882267,
  "provenance": {
    "md5sum": "8bb7d7e2494ca1a9c7010db4a1d9c76d",
    "settings": {
      "fd_thres": 0.2,
      "testing": false
    },
    "software": "mriqc",
    "version": "22.0.6",
    "webapi_port": null,
    "webapi_url": "https://mriqc.nimh.nih.gov/api/v1"
  },
  "size_t": 570,
  "size_x": 64,
  "size_y": 64,
  "size_z": 43,
  "snr": 5.489316377918625,
  "spacing_tr": 3.0,
  "spacing_x": 3.0,
  "spacing_y": 3.0,
  "spacing_z": 3.0,
  "summary_bg_k": 18.147136743372368,
  "summary_bg_mad": 10.812591443117228,
  "summary_bg_mean": 46.54838562011719,
  "summary_bg_median": 18.733333587646484,
  "summary_bg_n": 99015.0,
  "summary_bg_p05": 10.54912281036377,
  "summary_bg_p95": 178.16368865966774,
  "summary_bg_stdv": 69.64840698242188,
  "summary_fg_k": 3.557537317281163,
  "summary_fg_mad": 113.39825681832404,
  "summary_fg_mean": 736.4705200195312,
  "summary_fg_median": 720.924560546875,
  "summary_fg_n": 37489.0,
  "summary_fg_p05": 564.6112548828125,
  "summary_fg_p95": 960.7059814453124,
  "summary_fg_stdv": 131.33055114746094,
  "tsnr": 37.238181931199506
}