{
  "aor": 0.00048385300668151446,
  "aqi": 0.010475449621380847,
  "bids_meta": {
    "AcquisitionMatrixPE": 64,
    "AcquisitionNumber": 1,
    "AcquisitionTime": "16:23:32.172490",
    "BaseResolution": 64,
    "ConversionSoftware": "dcm2niix",
    "ConversionSoftwareVersion": "v1.0.20180518 GCC4.8.5",
    "DeviceSerialNumber": "20413",
    "EchoTime": 0.03,
    "FlipAngle": 87,
    "ImageOrientationPatientDICOM": [
      1,
      0,
      0,
      0,
      0.921863,
      -0.387516
    ],
    "ImageType": [
      "ORIGINAL",
      "PRIMARY",
      "M",
      "ND",
      "MOSAIC"
    ],
    "InPlanePhaseEncodingDirectionDICOM": "COL",
    "InstitutionAddress": "washington_avegreenhall_C2B0D1_new_jersey_08544_US",
    "InstitutionName": "Princeton_University",
    "MRAcquisitionType": "2D",
    "MagneticFieldStrength": 3,
    "Manufacturer": "Siemens",
    "ManufacturersModelName": "Allegra",
    "Modality": "MR",
    "PartialFourier": 1,
    "PatientPosition": "HFS",
    "PercentPhaseFOV": 100,
    "PhaseEncodingDirection": "j-",
    "PhaseEncodingSteps": 64,
    "PhaseResolution": 1,
    "PixelBandwidth": 1420,
    "ProcedureStepDescription": "BotvinickLab_Amitai",
    "ProtocolName": "ep2d_FRG",
    "PulseSequenceDetails": "%SiemensSeq%_ep2d_bold",
    "ReceiveCoilName": "Head_3T",
    "ReconMatrixPE": 64,
    "RepetitionTime": 3,
    "SAR": 0.0435536,
    "ScanOptions": "FS",
    "ScanningSequence": "SE_EP",
    "SequenceName": "_epfid2d1_64",
    "SequenceVariant": "SK",
    "SeriesDescription": "ep2d_FRG",
    "SeriesNumber": 5,
    "ShimSetting": [
      -34,
      10,
      145,
      330,
      1843,
      1105,
      -155,
      -138
    ],
    "SliceThickness": 3,
    "SoftwareVersions": "syngo_MR_2004A_4VA25A",
    "SpacingBetweenSlices": 3,
    "StationName": "MRC20413",
    "TaskName": "forage-engage decision task",
    "TxRefAmp": 159.54,
    "dataset": "ds001921",
    "modality": "bold",
    "run_id": 2,
    "subject_id": "07",
    "task_id": "forage"
  },
  "dummy_trs": 2,
  "dvars_nstd": 26.700740780133938,
  "dvars_std": 1.084154392678571,
  "dvars_vstd": 0.9692695914062507,
  "efc": 0.5459021069172367,
  "fber": 1599.356201171875,
  "fd_mean": 0.14408918114311048,
  "fd_num": 100,
  "fd_perc": 22.271714922048996,
  "fwhm_avg": 1.865281111111111,
  "fwhm_x": 1.8161933333333333,
  "fwhm_y": 1.9433433333333332,
  "fwhm_z": 1.8363066666666665,
  "gcor": 0.0120271,
  "gsr_x": -0.014278333634138107,
  "gsr_y": 0.0521119125187397,
  "provenance": {
    "md5sum": "4dca66e4c48e013d622dc6d9b034c159",
    "settings": {
      "fd_thres": 0.2,
      "testing": false
    },
    "software": "mriqc",
    "version": "22.0.6",
    "webapi_port": null,
    "webapi_url": "https://mriqc.nimh.nih.gov/api/v1"
  },
  "size_t": 449,
  "size_x": 64,
  "size_y": 64,
  "size_z": 43,
  "snr": 5.764310739238519,
  "spacing_tr": 3.0,
  "spacing_x": 3.0,
  "spacing_y": 3.0,
  "spacing_z": 3.0,
  "summary_bg_k": 24.14054134957354,
  "summary_bg_mad": 10.431048051451484,
  "summary_bg_mean": 42.718875885009766,
  "summary_bg_median": 17.334075927734375,
  "summary_bg_n": 103762.0,
  "summary_bg_p05": 9.746102333068848,
  "summary_bg_p95": 163.89309692382812,
  "summary_bg_stdv": 64.35652923583984,
  "summary_fg_k": 2.300905796682934,
  "summary_fg_mad": 119.1893097709293,
  "summary_fg_mean": 737.4470825195312,
  "summary_fg_median": 726.616943359375,
  "summary_fg_n": 34838.0,
  "summary_fg_p05": 557.211801147461,
  "summary_fg_p95": 942.897998046875,
  "summary_fg_stdv": 126.05262756347656,
  "tsnr": 51.752668026369065
}