{
  "aor": 0.0010322538293216631,
  "aqi": 0.009730815908096279,
  "bids_meta": {
    "AcquisitionMatrixPE": 64,
    "AcquisitionNumber": 1,
    "AcquisitionTime": "15:59:10.822500",
    "BaseResolution": 64,
    "ConversionSoftware": "dcm2niix",
    "ConversionSoftwareVersion": "v1.0.20180518 GCC4.8.5",
    "DeviceSerialNumber": "20413",
    "EchoTime": 0.03,
    "FlipAngle": 87,
    "ImageOrientationPatientDICOM": [
      1,
      0,
      0,
      0,
      0.921863,
      -0.387516
    ],
    "ImageType": [
      "ORIGINAL",
      "PRIMARY",
      "M",
      "ND",
      "MOSAIC"
    ],
    "InPlanePhaseEncodingDirectionDICOM": "COL",
    "InstitutionAddress": "washington_avegreenhall_C2B0D1_new_jersey_08544_US",
    "InstitutionName": "Princeton_University",
    "MRAcquisitionType": "2D",
    "MagneticFieldStrength": 3,
    "Manufacturer": "Siemens",
    "ManufacturersModelName": "Allegra",
    "Modality": "MR",
    "PartialFourier": 1,
    "PatientPosition": "HFS",
    "PercentPhaseFOV": 100,
    "PhaseEncodingDirection": "j-",
    "PhaseEncodingSteps": 64,
    "PhaseResolution": 1,
    "PixelBandwidth": 1420,
    "ProcedureStepDescription": "BotvinickLab_Amitai",
    "ProtocolName": "ep2d_FRG",
    "PulseSequenceDetails": "%SiemensSeq%_ep2d_bold",
    "ReceiveCoilName": "Head_3T",
    "ReconMatrixPE": 64,
    "RepetitionTime": 3,
    "SAR": 0.0435536,
    "ScanOptions": "FS",
    "ScanningSequence": "SE_EP",
    "SequenceName": "_epfid2d1_64",
    "SequenceVariant": "SK",
    "SeriesDescription": "ep2d_FRG",
    "SeriesNumber": 4,
    "ShimSetting": [
      -34,
      10,
      145,
      330,
      1843,
      1105,
      -155,
      -138
    ],
    "SliceThickness": 3,
    "SoftwareVersions": "syngo_MR_2004A_4VA25A",
    "SpacingBetweenSlices": 3,
    "StationName": "MRC20413",
    "TaskName": "forage-engage decision task",
    "TxRefAmp": 159.54,
    "dataset": "ds001921",
    "modality": "bold",
    "run_id": 1,
    "subject_id": "07",
    "task_id": "forage"
  },
  "dummy_trs": 0,
  "dvars_nstd": 28.35918412721491,
  "dvars_std": 1.1218070304385963,
  "dvars_vstd": 0.9839449328289468,
  "efc": 0.5435762646091922,
  "fber": 1699.90966796875,
  "fd_mean": 0.16517599810138195,
  "fd_num": 109,
  "fd_perc": 23.85120350109409,
  "fwhm_avg": 1.855121111111111,
  "fwhm_x": 1.8222800000000001,
  "fwhm_y": 1.9447666666666665,
  "fwhm_z": 1.7983166666666666,
  "gcor": 0.0144701,
  "gsr_x": -0.013182321563363075,
  "gsr_y": 0.050077252089977264,
  "provenance": {
    "md5sum": "933ce972c9985ba71fd350deeb29fb5f",
    "settings": {
      "fd_thres": 0.2,
      "testing": false
    },
    "software": "mriqc",
    "version": "22.0.6",
    "webapi_port": null,
    "webapi_url": "https://mriqc.nimh.nih.gov/api/v1"
  },
  "size_t": 457,
  "size_x": 64,
  "size_y": 64,
  "size_z": 43,
  "snr": 5.780388074972622,
  "spacing_tr": 3.0,
  "spacing_x": 3.0,
  "spacing_y": 3.0,
  "spacing_z": 3.0,
  "summary_bg_k": 24.409964514945568,
  "summary_bg_mad": 9.992156078488259,
  "summary_bg_mean": 41.34090805053711,
  "summary_bg_median": 16.859956741333008,
  "summary_bg_n": 103927.0,
  "summary_bg_p05": 9.433260917663574,
  "summary_bg_p95": 157.4494583129882,
  "summary_bg_stdv": 62.23836135864258,
  "summary_fg_k": 2.3273061828059305,
  "summary_fg_mad": 117.94795618001987,
  "summary_fg_mean": 737.5404663085938,
  "summary_fg_median": 726.9234008789062,
  "summary_fg_n": 34782.0,
  "summary_fg_p05": 557.1452850341797,
  "summary_fg_p95": 941.652764892578,
  "summary_fg_stdv": 125.75504302978516,
  "tsnr": 51.84402456181124
}