{
  "aor": 0.0009661278863232683,
  "aqi": 0.015601869396092361,
  "bids_meta": {
    "AcquisitionMatrixPE": 64,
    "AcquisitionNumber": 1,
    "AcquisitionTime": "11:47:36.257500",
    "BaseResolution": 64,
    "ConversionSoftware": "dcm2niix",
    "ConversionSoftwareVersion": "v1.0.20180518 GCC4.8.5",
    "DeviceSerialNumber": "20413",
    "EchoTime": 0.03,
    "FlipAngle": 87,
    "ImageOrientationPatientDICOM": [
      1,
      0,
      0,
      0,
      0.819152,
      -0.573576
    ],
    "ImageType": [
      "ORIGINAL",
      "PRIMARY",
      "M",
      "ND",
      "MOSAIC"
    ],
    "InPlanePhaseEncodingDirectionDICOM": "COL",
    "InstitutionAddress": "washington_avegreenhall_BDD552_new_jersey_08544_US",
    "InstitutionName": "Princeton_University",
    "MRAcquisitionType": "2D",
    "MagneticFieldStrength": 3,
    "Manufacturer": "Siemens",
    "ManufacturersModelName": "Allegra",
    "Modality": "MR",
    "PartialFourier": 1,
    "PatientPosition": "HFS",
    "PercentPhaseFOV": 100,
    "PhaseEncodingDirection": "j-",
    "PhaseEncodingSteps": 64,
    "PhaseResolution": 1,
    "PixelBandwidth": 1420,
    "ProcedureStepDescription": "BotvinickLab_Amitai",
    "ProtocolName": "ep2d_FRG",
    "PulseSequenceDetails": "%SiemensSeq%_ep2d_bold",
    "ReceiveCoilName": "Head_3T",
    "ReconMatrixPE": 64,
    "RepetitionTime": 3,
    "SAR": 0.0540615,
    "ScanOptions": "FS",
    "ScanningSequence": "SE_EP",
    "SequenceName": "_epfid2d1_64",
    "SequenceVariant": "SK",
    "SeriesDescription": "ep2d_FRG",
    "SeriesNumber": 5,
    "ShimSetting": [
      -33,
      12,
      115,
      122,
      1601,
      1111,
      -317,
      -169
    ],
    "SliceThickness": 3,
    "SoftwareVersions": "syngo_MR_2004A_4VA25A",
    "SpacingBetweenSlices": 3,
    "StationName": "MRC20413",
    "TaskName": "forage-engage decision task",
    "TxRefAmp": 161.816,
    "dataset": "ds001921",
    "modality": "bold",
    "run_id": 2,
    "subject_id": "03",
    "task_id": "forage"
  },
  "dummy_trs": 1,
  "dvars_nstd": 25.091097831832712,
  "dvars_std": 1.022726957348755,
  "dvars_vstd": 0.960438148416369,
  "efc": 0.5884573683612366,
  "fber": 1296.53271484375,
  "fd_mean": 0.12301386262741543,
  "fd_num": 74,
  "fd_perc": 13.143872113676732,
  "fwhm_avg": 1.893357777777778,
  "fwhm_x": 1.8143866666666666,
  "fwhm_y": 1.9324666666666666,
  "fwhm_z": 1.9332200000000002,
  "gcor": 0.0298992,
  "gsr_x": -0.004722681362181902,
  "gsr_y": 0.03479979187250137,
  "provenance": {
    "md5sum": "3a30598bd94c57cb7412eb40b7f2baeb",
    "settings": {
      "fd_thres": 0.2,
      "testing": false
    },
    "software": "mriqc",
    "version": "22.0.6",
    "webapi_port": null,
    "webapi_url": "https://mriqc.nimh.nih.gov/api/v1"
  },
  "size_t": 563,
  "size_x": 64,
  "size_y": 64,
  "size_z": 43,
  "snr": 5.6106419936639,
  "spacing_tr": 3.0,
  "spacing_x": 3.0,
  "spacing_y": 3.0,
  "spacing_z": 3.0,
  "summary_bg_k": 29.687179652944536,
  "summary_bg_mad": 11.604062663567724,
  "summary_bg_mean": 41.69676971435547,
  "summary_bg_median": 18.469806671142578,
  "summary_bg_n": 92970.0,
  "summary_bg_p05": 9.76198959350586,
  "summary_bg_p95": 152.36448211669935,
  "summary_bg_stdv": 56.28786849975586,
  "summary_fg_k": 1.6912950983024162,
  "summary_fg_mad": 117.43894510341502,
  "summary_fg_mean": 719.65380859375,
  "summary_fg_median": 713.198974609375,
  "summary_fg_n": 43145.0,
  "summary_fg_p05": 519.4472290039063,
  "summary_fg_p95": 922.7634399414062,
  "summary_fg_stdv": 127.11392211914062,
  "tsnr": 42.321837573777884
}