{
  "aor": 0.0005500854700854701,
  "aqi": 0.008538163141025642,
  "bids_meta": {
    "AcquisitionMatrixPE": 64,
    "AcquisitionNumber": 1,
    "AcquisitionTime": "16:25:11.769980",
    "BaseResolution": 64,
    "ConversionSoftware": "dcm2niix",
    "ConversionSoftwareVersion": "v1.0.20180518 GCC4.8.5",
    "DeviceSerialNumber": "20413",
    "EchoTime": 0.03,
    "FlipAngle": 87,
    "ImageOrientationPatientDICOM": [
      1,
      0,
      2.77556e-17,
      0,
      0.93358,
      -0.358368
    ],
    "ImageType": [
      "ORIGINAL",
      "PRIMARY",
      "M",
      "ND",
      "MOSAIC"
    ],
    "InPlanePhaseEncodingDirectionDICOM": "COL",
    "InstitutionAddress": "washington_avegreenhall_C2B0D1_new_jersey_08544_US",
    "InstitutionName": "Princeton_University",
    "MRAcquisitionType": "2D",
    "MagneticFieldStrength": 3,
    "Manufacturer": "Siemens",
    "ManufacturersModelName": "Allegra",
    "Modality": "MR",
    "PartialFourier": 1,
    "PatientPosition": "HFS",
    "PercentPhaseFOV": 100,
    "PhaseEncodingDirection": "j-",
    "PhaseEncodingSteps": 64,
    "PhaseResolution": 1,
    "PixelBandwidth": 1420,
    "ProcedureStepDescription": "BotvinickLab_Amitai",
    "ProtocolName": "ep2d_FRG",
    "PulseSequenceDetails": "%SiemensSeq%_ep2d_bold",
    "ReceiveCoilName": "Head_3T",
    "ReconMatrixPE": 64,
    "RepetitionTime": 3,
    "SAR": 0.0552375,
    "ScanOptions": "FS",
    "ScanningSequence": "SE_EP",
    "SequenceName": "_epfid2d1_64",
    "SequenceVariant": "SK",
    "SeriesDescription": "ep2d_FRG",
    "SeriesNumber": 4,
    "ShimSetting": [
      -42,
      -11,
      139,
      401,
      1573,
      1087,
      -117,
      -229
    ],
    "SliceThickness": 3,
    "SoftwareVersions": "syngo_MR_2004A_4VA25A",
    "SpacingBetweenSlices": 3,
    "StationName": "MRC20413",
    "TaskName": "forage-engage decision task",
    "TxRefAmp": 149.6,
    "dataset": "ds001921",
    "modality": "bold",
    "run_id": 1,
    "subject_id": "12",
    "task_id": "forage"
  },
  "dummy_trs": 2,
  "dvars_nstd": 26.15268977674517,
  "dvars_std": 1.0894948789293362,
  "dvars_vstd": 0.985809477901499,
  "efc": 0.5571714108193335,
  "fber": 1978.7191162109375,
  "fd_mean": 0.14250003556604024,
  "fd_num": 96,
  "fd_perc": 20.512820512820515,
  "fwhm_avg": 1.9049066666666665,
  "fwhm_x": 1.8321566666666669,
  "fwhm_y": 1.99658,
  "fwhm_z": 1.8859833333333331,
  "gcor": 0.0172948,
  "gsr_x": -0.015088636428117752,
  "gsr_y": 0.04647166654467583,
  "provenance": {
    "md5sum": "00477ed8074213abb72510ec22636a8c",
    "settings": {
      "fd_thres": 0.2,
      "testing": false
    },
    "software": "mriqc",
    "version": "22.0.6",
    "webapi_port": null,
    "webapi_url": "https://mriqc.nimh.nih.gov/api/v1"
  },
  "size_t": 468,
  "size_x": 64,
  "size_y": 64,
  "size_z": 43,
  "snr": 5.34069584336078,
  "spacing_tr": 3.0,
  "spacing_x": 3.0,
  "spacing_y": 3.0,
  "spacing_z": 3.0,
  "summary_bg_k": 27.134425586417418,
  "summary_bg_mad": 7.894539812755178,
  "summary_bg_mean": 37.74899673461914,
  "summary_bg_median": 14.805556297302246,
  "summary_bg_n": 99242.0,
  "summary_bg_p05": 9.04273509979248,
  "summary_bg_p95": 148.76144332885735,
  "summary_bg_stdv": 62.983036041259766,
  "summary_fg_k": 3.1872256539759887,
  "summary_fg_mad": 118.60976107046426,
  "summary_fg_mean": 703.3880615234375,
  "summary_fg_median": 690.911376953125,
  "summary_fg_n": 38512.0,
  "summary_fg_p05": 526.4703063964844,
  "summary_fg_p95": 902.0995025634764,
  "summary_fg_stdv": 129.36561584472656,
  "tsnr": 54.17053828330245
}