{
  "aor": 0.000185764192139738,
  "aqi": 0.013409620524017467,
  "bids_meta": {
    "AcquisitionMatrixPE": 64,
    "AcquisitionNumber": 1,
    "AcquisitionTime": "16:49:43.205010",
    "BaseResolution": 64,
    "ConversionSoftware": "dcm2niix",
    "ConversionSoftwareVersion": "v1.0.20180518 GCC4.8.5",
    "DeviceSerialNumber": "20413",
    "EchoTime": 0.03,
    "FlipAngle": 87,
    "ImageOrientationPatientDICOM": [
      1,
      0,
      2.77556e-17,
      0,
      0.93358,
      -0.358368
    ],
    "ImageType": [
      "ORIGINAL",
      "PRIMARY",
      "M",
      "ND",
      "MOSAIC"
    ],
    "InPlanePhaseEncodingDirectionDICOM": "COL",
    "InstitutionAddress": "washington_avegreenhall_C2B0D1_new_jersey_08544_US",
    "InstitutionName": "Princeton_University",
    "MRAcquisitionType": "2D",
    "MagneticFieldStrength": 3,
    "Manufacturer": "Siemens",
    "ManufacturersModelName": "Allegra",
    "Modality": "MR",
    "PartialFourier": 1,
    "PatientPosition": "HFS",
    "PercentPhaseFOV": 100,
    "PhaseEncodingDirection": "j-",
    "PhaseEncodingSteps": 64,
    "PhaseResolution": 1,
    "PixelBandwidth": 1420,
    "ProcedureStepDescription": "BotvinickLab_Amitai",
    "ProtocolName": "ep2d_FRG",
    "PulseSequenceDetails": "%SiemensSeq%_ep2d_bold",
    "ReceiveCoilName": "Head_3T",
    "ReconMatrixPE": 64,
    "RepetitionTime": 3,
    "SAR": 0.0552375,
    "ScanOptions": "FS",
    "ScanningSequence": "SE_EP",
    "SequenceName": "_epfid2d1_64",
    "SequenceVariant": "SK",
    "SeriesDescription": "ep2d_FRG",
    "SeriesNumber": 5,
    "ShimSetting": [
      -42,
      -11,
      139,
      401,
      1573,
      1087,
      -117,
      -229
    ],
    "SliceThickness": 3,
    "SoftwareVersions": "syngo_MR_2004A_4VA25A",
    "SpacingBetweenSlices": 3,
    "StationName": "MRC20413",
    "TaskName": "forage-engage decision task",
    "TxRefAmp": 149.6,
    "dataset": "ds001921",
    "modality": "bold",
    "run_id": 2,
    "subject_id": "12",
    "task_id": "forage"
  },
  "dummy_trs": 1,
  "dvars_nstd": 25.664324812691476,
  "dvars_std": 1.0065173614004375,
  "dvars_vstd": 0.9343163652078781,
  "efc": 0.5585894652147545,
  "fber": 1895.2249755859375,
  "fd_mean": 0.13791683977776398,
  "fd_num": 82,
  "fd_perc": 17.903930131004365,
  "fwhm_avg": 1.9219566666666668,
  "fwhm_x": 1.84651,
  "fwhm_y": 2.0182166666666665,
  "fwhm_z": 1.9011433333333334,
  "gcor": 0.0140154,
  "gsr_x": -0.015021983534097672,
  "gsr_y": 0.04871779680252075,
  "provenance": {
    "md5sum": "752d34424c2c4b8d95ba1ff4a482e4a1",
    "settings": {
      "fd_thres": 0.2,
      "testing": false
    },
    "software": "mriqc",
    "version": "22.0.6",
    "webapi_port": null,
    "webapi_url": "https://mriqc.nimh.nih.gov/api/v1"
  },
  "size_t": 458,
  "size_x": 64,
  "size_y": 64,
  "size_z": 43,
  "snr": 5.3535152088781786,
  "spacing_tr": 3.0,
  "spacing_x": 3.0,
  "spacing_y": 3.0,
  "spacing_z": 3.0,
  "summary_bg_k": 26.651581059268693,
  "summary_bg_mad": 8.2028690306496,
  "summary_bg_mean": 38.63043975830078,
  "summary_bg_median": 15.041484832763672,
  "summary_bg_n": 99307.0,
  "summary_bg_p05": 9.015283584594727,
  "summary_bg_p95": 151.68296966552725,
  "summary_bg_stdv": 64.25347900390625,
  "summary_fg_k": 3.2862146838179234,
  "summary_fg_mad": 117.63702959171512,
  "summary_fg_mean": 701.8070678710938,
  "summary_fg_median": 689.0841064453125,
  "summary_fg_n": 38504.0,
  "summary_fg_p05": 525.4659545898437,
  "summary_fg_p95": 900.1998870849609,
  "summary_fg_stdv": 128.7145233154297,
  "tsnr": 47.43760339345317
}