{
  "aor": 0.0007266666666666667,
  "aqi": 0.007646165749440715,
  "bids_meta": {
    "AcquisitionMatrixPE": 64,
    "AcquisitionNumber": 1,
    "AcquisitionTime": "10:43:48.130010",
    "BaseResolution": 64,
    "ConversionSoftware": "dcm2niix",
    "ConversionSoftwareVersion": "v1.0.20180518 GCC4.8.5",
    "DeviceSerialNumber": "20413",
    "EchoTime": 0.03,
    "FlipAngle": 87,
    "ImageOrientationPatientDICOM": [
      1,
      0,
      0,
      0,
      0.784776,
      -0.619779
    ],
    "ImageType": [
      "ORIGINAL",
      "PRIMARY",
      "M",
      "ND",
      "MOSAIC"
    ],
    "InPlanePhaseEncodingDirectionDICOM": "COL",
    "InstitutionAddress": "washington_avegreenhall_BDD552_new_jersey_08544_US",
    "InstitutionName": "Princeton_University",
    "MRAcquisitionType": "2D",
    "MagneticFieldStrength": 3,
    "Manufacturer": "Siemens",
    "ManufacturersModelName": "Allegra",
    "Modality": "MR",
    "PartialFourier": 1,
    "PatientPosition": "HFS",
    "PercentPhaseFOV": 100,
    "PhaseEncodingDirection": "j-",
    "PhaseEncodingSteps": 64,
    "PhaseResolution": 1,
    "PixelBandwidth": 1420,
    "ProcedureStepDescription": "BotvinickLab_Amitai",
    "ProtocolName": "ep2d_FRG",
    "PulseSequenceDetails": "%SiemensSeq%_ep2d_bold",
    "ReceiveCoilName": "Head_3T",
    "ReconMatrixPE": 64,
    "RepetitionTime": 3,
    "SAR": 0.0521889,
    "ScanOptions": "FS",
    "ScanningSequence": "SE_EP",
    "SequenceName": "_epfid2d1_64",
    "SequenceVariant": "SK",
    "SeriesDescription": "ep2d_FRG",
    "SeriesNumber": 4,
    "ShimSetting": [
      -39,
      33,
      121,
      305,
      1653,
      1099,
      -389,
      -143
    ],
    "SliceThickness": 3,
    "SoftwareVersions": "syngo_MR_2004A_4VA25A",
    "SpacingBetweenSlices": 3,
    "StationName": "MRC20413",
    "TaskName": "forage-engage decision task",
    "TxRefAmp": 159.007,
    "dataset": "ds001921",
    "modality": "bold",
    "run_id": 1,
    "subject_id": "05",
    "task_id": "forage"
  },
  "dummy_trs": 0,
  "dvars_nstd": 26.434913810672636,
  "dvars_std": 1.1662824448654712,
  "dvars_vstd": 0.9947068856053823,
  "efc": 0.5678243012515555,
  "fber": 1389.644775390625,
  "fd_mean": 0.06107649625717986,
  "fd_num": 4,
  "fd_perc": 0.8948545861297539,
  "fwhm_avg": 1.891421111111111,
  "fwhm_x": 1.8431066666666667,
  "fwhm_y": 1.9006133333333333,
  "fwhm_z": 1.9305433333333333,
  "gcor": 0.0133035,
  "gsr_x": -0.012513398192822933,
  "gsr_y": 0.038119010627269745,
  "provenance": {
    "md5sum": "0a5c93d539aec3a98e1f79b39400f8a6",
    "settings": {
      "fd_thres": 0.2,
      "testing": false
    },
    "software": "mriqc",
    "version": "22.0.6",
    "webapi_port": null,
    "webapi_url": "https://mriqc.nimh.nih.gov/api/v1"
  },
  "size_t": 447,
  "size_x": 64,
  "size_y": 64,
  "size_z": 43,
  "snr": 5.026897361898629,
  "spacing_tr": 3.0,
  "spacing_x": 3.0,
  "spacing_y": 3.0,
  "spacing_z": 3.0,
  "summary_bg_k": 51.28386467357635,
  "summary_bg_mad": 11.144391727321763,
  "summary_bg_mean": 41.062496185302734,
  "summary_bg_median": 17.765100479125977,
  "summary_bg_n": 97155.0,
  "summary_bg_p05": 9.71364688873291,
  "summary_bg_p95": 144.5474243164063,
  "summary_bg_stdv": 66.47842407226562,
  "summary_fg_k": 2.249441019850944,
  "summary_fg_mad": 125.8155480980278,
  "summary_fg_mean": 721.05712890625,
  "summary_fg_median": 701.6845703125,
  "summary_fg_n": 40096.0,
  "summary_fg_p05": 531.0945129394531,
  "summary_fg_p95": 960.4250793457031,
  "summary_fg_stdv": 139.5842742919922,
  "tsnr": 57.39898847672157
}