{
  "aor": 0.006945499999999999,
  "aqi": 0.0140540455,
  "bids_meta": {
    "AcquisitionMatrixPE": 64,
    "AcquisitionNumber": 1,
    "AcquisitionTime": "11:08:37.100010",
    "BaseResolution": 64,
    "ConversionSoftware": "dcm2niix",
    "ConversionSoftwareVersion": "v1.0.20180518 GCC4.8.5",
    "DeviceSerialNumber": "20413",
    "EchoTime": 0.03,
    "FlipAngle": 87,
    "ImageOrientationPatientDICOM": [
      1,
      0,
      0,
      0,
      0.784776,
      -0.619779
    ],
    "ImageType": [
      "ORIGINAL",
      "PRIMARY",
      "M",
      "ND",
      "MOSAIC"
    ],
    "InPlanePhaseEncodingDirectionDICOM": "COL",
    "InstitutionAddress": "washington_avegreenhall_BDD552_new_jersey_08544_US",
    "InstitutionName": "Princeton_University",
    "MRAcquisitionType": "2D",
    "MagneticFieldStrength": 3,
    "Manufacturer": "Siemens",
    "ManufacturersModelName": "Allegra",
    "Modality": "MR",
    "PartialFourier": 1,
    "PatientPosition": "HFS",
    "PercentPhaseFOV": 100,
    "PhaseEncodingDirection": "j-",
    "PhaseEncodingSteps": 64,
    "PhaseResolution": 1,
    "PixelBandwidth": 1420,
    "ProcedureStepDescription": "BotvinickLab_Amitai",
    "ProtocolName": "ep2d_FRG",
    "PulseSequenceDetails": "%SiemensSeq%_ep2d_bold",
    "ReceiveCoilName": "Head_3T",
    "ReconMatrixPE": 64,
    "RepetitionTime": 3,
    "SAR": 0.0521889,
    "ScanOptions": "FS",
    "ScanningSequence": "SE_EP",
    "SequenceName": "_epfid2d1_64",
    "SequenceVariant": "SK",
    "SeriesDescription": "ep2d_FRG",
    "SeriesNumber": 5,
    "ShimSetting": [
      -39,
      33,
      121,
      305,
      1653,
      1099,
      -389,
      -143
    ],
    "SliceThickness": 3,
    "SoftwareVersions": "syngo_MR_2004A_4VA25A",
    "SpacingBetweenSlices": 3,
    "StationName": "MRC20413",
    "TaskName": "forage-engage decision task",
    "TxRefAmp": 159.007,
    "dataset": "ds001921",
    "modality": "bold",
    "run_id": 2,
    "subject_id": "05",
    "task_id": "forage"
  },
  "dummy_trs": 0,
  "dvars_nstd": 30.868563558583883,
  "dvars_std": 1.1540657944226593,
  "dvars_vstd": 1.0053971364052285,
  "efc": 0.5641669018206813,
  "fber": 1396.9718017578125,
  "fd_mean": 0.13967159526790582,
  "fd_num": 36,
  "fd_perc": 7.826086956521739,
  "fwhm_avg": 1.9035611111111113,
  "fwhm_x": 1.8499966666666667,
  "fwhm_y": 1.9176266666666668,
  "fwhm_z": 1.94306,
  "gcor": 0.044256,
  "gsr_x": -0.01128806546330452,
  "gsr_y": 0.03514296934008598,
  "provenance": {
    "md5sum": "0724e43422223e0036a587665f962984",
    "settings": {
      "fd_thres": 0.2,
      "testing": false
    },
    "software": "mriqc",
    "version": "22.0.6",
    "webapi_port": null,
    "webapi_url": "https://mriqc.nimh.nih.gov/api/v1"
  },
  "size_t": 460,
  "size_x": 64,
  "size_y": 64,
  "size_z": 43,
  "snr": 4.9718516917392,
  "spacing_tr": 3.0,
  "spacing_x": 3.0,
  "spacing_y": 3.0,
  "spacing_z": 3.0,
  "summary_bg_k": 53.61578252932245,
  "summary_bg_mad": 11.277447222746273,
  "summary_bg_mean": 40.3612174987793,
  "summary_bg_median": 17.93695640563965,
  "summary_bg_n": 97733.0,
  "summary_bg_p05": 9.473912239074707,
  "summary_bg_p95": 139.0973846435546,
  "summary_bg_stdv": 64.16331481933594,
  "summary_fg_k": 2.1626693281178575,
  "summary_fg_mad": 127.95823588067458,
  "summary_fg_mean": 728.2913208007812,
  "summary_fg_median": 709.0803833007812,
  "summary_fg_n": 39595.0,
  "summary_fg_p05": 532.2051940917969,
  "summary_fg_p95": 973.1453796386718,
  "summary_fg_stdv": 142.61717224121094,
  "tsnr": 41.79870406771079
}