{
  "aor": 0.0004769692532942899,
  "aqi": 0.008004688770131772,
  "bids_meta": {
    "AcquisitionMatrixPE": 64,
    "AcquisitionNumber": 1,
    "AcquisitionTime": "11:10:26.232510",
    "BaseResolution": 64,
    "ConversionSoftware": "dcm2niix",
    "ConversionSoftwareVersion": "v1.0.20180518 GCC4.8.5",
    "DeviceSerialNumber": "20413",
    "EchoTime": 0.03,
    "FlipAngle": 87,
    "ImageOrientationPatientDICOM": [
      1,
      0,
      0,
      0,
      0.819152,
      -0.573576
    ],
    "ImageType": [
      "ORIGINAL",
      "PRIMARY",
      "M",
      "ND",
      "MOSAIC"
    ],
    "InPlanePhaseEncodingDirectionDICOM": "COL",
    "InstitutionAddress": "washington_avegreenhall_BDD552_new_jersey_08544_US",
    "InstitutionName": "Princeton_University",
    "MRAcquisitionType": "2D",
    "MagneticFieldStrength": 3,
    "Manufacturer": "Siemens",
    "ManufacturersModelName": "Allegra",
    "Modality": "MR",
    "PartialFourier": 1,
    "PatientPosition": "HFS",
    "PercentPhaseFOV": 100,
    "PhaseEncodingDirection": "j-",
    "PhaseEncodingSteps": 64,
    "PhaseResolution": 1,
    "PixelBandwidth": 1420,
    "ProcedureStepDescription": "BotvinickLab_Amitai",
    "ProtocolName": "ep2d_FRG",
    "PulseSequenceDetails": "%SiemensSeq%_ep2d_bold",
    "ReceiveCoilName": "Head_3T",
    "ReconMatrixPE": 64,
    "RepetitionTime": 3,
    "SAR": 0.0540615,
    "ScanOptions": "FS",
    "ScanningSequence": "SE_EP",
    "SequenceName": "_epfid2d1_64",
    "SequenceVariant": "SK",
    "SeriesDescription": "ep2d_FRG",
    "SeriesNumber": 4,
    "ShimSetting": [
      -33,
      12,
      115,
      122,
      1601,
      1111,
      -317,
      -169
    ],
    "SliceThickness": 3,
    "SoftwareVersions": "syngo_MR_2004A_4VA25A",
    "SpacingBetweenSlices": 3,
    "StationName": "MRC20413",
    "TaskName": "forage-engage decision task",
    "TxRefAmp": 161.816,
    "dataset": "ds001921",
    "modality": "bold",
    "run_id": 1,
    "subject_id": "03",
    "task_id": "forage"
  },
  "dummy_trs": 0,
  "dvars_nstd": 22.703209851920832,
  "dvars_std": 1.0511763360263928,
  "dvars_vstd": 0.9952006047507325,
  "efc": 0.5902294547448635,
  "fber": 1306.963623046875,
  "fd_mean": 0.07500598403387858,
  "fd_num": 33,
  "fd_perc": 4.831625183016105,
  "fwhm_avg": 1.8466733333333334,
  "fwhm_x": 1.7759,
  "fwhm_y": 1.8887366666666667,
  "fwhm_z": 1.8753833333333334,
  "gcor": 0.0259198,
  "gsr_x": -0.007074221037328243,
  "gsr_y": 0.03396433964371681,
  "provenance": {
    "md5sum": "39dddd679c92f7378aabf0784b848450",
    "settings": {
      "fd_thres": 0.2,
      "testing": false
    },
    "software": "mriqc",
    "version": "22.0.6",
    "webapi_port": null,
    "webapi_url": "https://mriqc.nimh.nih.gov/api/v1"
  },
  "size_t": 683,
  "size_x": 64,
  "size_y": 64,
  "size_z": 43,
  "snr": 5.619232380023356,
  "spacing_tr": 3.0,
  "spacing_x": 3.0,
  "spacing_y": 3.0,
  "spacing_z": 3.0,
  "summary_bg_k": 36.456763903946374,
  "summary_bg_mad": 11.142310437586312,
  "summary_bg_mean": 41.68073654174805,
  "summary_bg_median": 18.188873291015625,
  "summary_bg_n": 92529.0,
  "summary_bg_p05": 10.02196216583252,
  "summary_bg_p95": 152.2099517822265,
  "summary_bg_stdv": 57.83552932739258,
  "summary_fg_k": 1.8629605323234637,
  "summary_fg_mad": 116.27034616238832,
  "summary_fg_mean": 711.40087890625,
  "summary_fg_median": 704.8784790039062,
  "summary_fg_n": 43356.0,
  "summary_fg_p05": 515.0984497070312,
  "summary_fg_p95": 911.7122802734375,
  "summary_fg_stdv": 125.43890380859375,
  "tsnr": 55.449807157274336
}